REDIRECTS: ON
COPY-LOCAL: FALSE
CONTENT: NONE
RESTRICTION: || (== net40) (== net45) (== net451) (== net452) (== net461)
NUGET
  remote: https://nexus.bars.group/repository/common/index.json
    Antlr (3.5.0.2)
    AutoMapper (3.3.0)
    B4.Ecm7Migrator-Core (1.0.3.6)
    B4.Ecm7Migrator-Migrator (1.0.3.6)
      B4.Ecm7Migrator-Core (>= 1.0.3.1)
    B4.Ecm7Migrator-Oracle (1.0.3.5)
      B4.Ecm7Migrator-Core (>= 1.0.3.5)
    B4.Ecm7Migrator-PostgreSQL (1.0.3.5)
      B4.Ecm7Migrator-Core (>= 1.0.3.5)
      Npgsql (>= 2.1.2)
    Castle.Core (3.3.3)
    Castle.WcfIntegrationFacility (3.3.0)
      Castle.Core (>= 3.3)
      Castle.Windsor (>= 3.3)
    Castle.Windsor (3.4.0)
      Castle.Core (>= 3.3 < 4.0)
    CommandLineParser (1.9.71)
    CsvHelper (2.11.1.1)
    Dapper (1.42)
    DapperExtensions (1.4.3)
      Dapper (>= 1.12)
    DotNetZip (1.10.1)
    EasyNetQ.Management.Client (0.40.3.355)
      Newtonsoft.Json (>= 6.0.8)
    elmah.corelibrary (1.2.2)
    EsiaNET (0.1.0.2)
      Newtonsoft.Json (>= 9.0.1)
    FastDBF (1.0.0)
    fasterflect (2.1.3)
    FastMember (1.0.0.11)
    FluentAssertions (4.19.2)
    jQuery (3.1.0)
    Microsoft.AspNet.SignalR (2.2.1)
      Microsoft.AspNet.SignalR.JS (>= 2.2.1)
      Microsoft.AspNet.SignalR.SystemWeb (>= 2.2.1)
    Microsoft.AspNet.SignalR.Core (2.2.1)
      Microsoft.Owin (>= 2.1)
      Microsoft.Owin.Security (>= 2.1)
      Newtonsoft.Json (>= 6.0.4)
      Owin (>= 1.0)
    Microsoft.AspNet.SignalR.JS (2.2.1)
      jQuery (>= 1.6.4)
    Microsoft.AspNet.SignalR.SystemWeb (2.2.1)
      Microsoft.AspNet.SignalR.Core (>= 2.2.1)
      Microsoft.Owin.Host.SystemWeb (>= 2.1)
    Microsoft.Owin.Host.SystemWeb (3.0.1)
      Microsoft.Owin (>= 3.0.1)
      Owin (>= 1.0)
    Microsoft.Owin.Security (3.0.1)
      Microsoft.Owin (>= 3.0.1)
      Owin (>= 1.0)
    Microsoft.Tpl.Dataflow (4.5.24)
    Moq (4.2.1506.2016)
    Morpher (1.0.0)
    MSBuild.Microsoft.VisualStudio.Web.targets (14.0.0.3)
    Mvc3-Base (3.0.50813.1)
    ncalc (1.3.8)
    NDbfReaderEx (1.1.0.0)
    NLog.Targets.Sentry (1.3.0.0)
      NLog (>= 3.2)
      SharpRaven (>= 1.4.3)
    NuGet.CommandLine (2.5.0)
    NUnit (2.6.4)
    nunrar (1.0.1)
    QuickGraph (3.6.61119.7)
    RabbitMQ.Client (3.3.0)
    raven-csharp (1.0.2)
      Newtonsoft.Json (>= 4.5)
    raven-csharp-protocol20 (1.0.2)
      Newtonsoft.Json (>= 4.5)
    ServiceStack.Common (3.9.71)
      ServiceStack.Text (>= 3.0 < 4.0)
    ServiceStack.Redis (3.9.71)
      ServiceStack.Common (>= 3.0 < 4.0)
    ServiceStack.Text (3.9.71)
    sharpcompress (0.18.2)
    SharpRaven (1.4.3)
      Newtonsoft.Json (>= 6.0.6)
    SharpZipLib (0.86.0)
    SlowCheetah (2.5.15)
    SpecFlow (1.9.2.3)
    SpecFlow.NUnit (1.1.1)
      NUnit (>= 2.6)
      SpecFlow
    System.Linq.Dynamic (1.0.2)
    System.Reflection.Emit (4.3.0) - restriction: || (&& (== net40) (>= net45)) (&& (== net40) (>= netstandard2.0)) (== net45) (== net451) (== net452) (== net461)
    xunit (2.0.0)
      xunit.assert (2.0)
      xunit.core (2.0)
    xunit.abstractions (2.0.0)
    xunit.assert (2.0.0)
    xunit.core (2.0.0)
      xunit.extensibility.core (2.0)
    xunit.extensibility.core (2.0.0)
      xunit.abstractions (2.0)
    YUICompressor.NET (2.7.0)
      EcmaScript.NET (>= 1.0.1)
  remote: https://nexus.bars.group/repository/nuget.org-proxy/index.json
    Antlr3.Runtime (3.5.1) - restriction: || (&& (== net40) (>= net461)) (&& (== net40) (>= netstandard2.0)) (&& (== net45) (>= net461)) (&& (== net45) (>= netstandard2.0)) (&& (== net451) (>= net461)) (&& (== net451) (>= netstandard2.0)) (&& (== net452) (>= net461)) (&& (== net452) (>= netstandard2.0)) (== net461)
    Common.Logging (3.4.1)
      Common.Logging.Core (>= 3.4.1)
    Common.Logging.Core (3.4.1)
      Microsoft.CSharp (>= 4.0.1) - restriction: || (&& (== net40) (>= netstandard1.0)) (== net45) (== net451) (== net452) (== net461)
    Iesi.Collections (4.0.4)
    iTextSharp (5.4.4)
    Microsoft.AspNet.Cors (5.0)
    Microsoft.AspNet.WebApi.Client (5.2.9)
      Newtonsoft.Json (>= 6.0.4) - restriction: || (&& (== net40) (>= net45)) (&& (== net40) (>= portable-net45+win8+wp8+wp81+wpa81)) (== net45) (== net451) (== net452) (== net461)
    Microsoft.AspNet.WebApi.Core (5.2.9)
      Microsoft.AspNet.WebApi.Client (>= 5.2.9)
    Microsoft.AspNet.WebApi.Owin (5.2.9)
      Microsoft.AspNet.WebApi.Core (>= 5.2.9 < 5.3)
      Microsoft.Owin (>= 2.0.2)
      Owin (>= 1.0)
    Microsoft.AspNet.WebApi.WebHost (5.2.9)
      Microsoft.AspNet.WebApi.Core (>= 5.2.9 < 5.3)
    Microsoft.CSharp (4.7) - restriction: || (&& (== net40) (>= netstandard1.0)) (== net45) (== net451) (== net452) (== net461)
    Microsoft.Net.Http (2.0.20710)
    Microsoft.Office.Interop.Excel (15.0.4795.1001)
    Microsoft.Office.Interop.Word (15.0.4797.1003)
    Microsoft.Owin (3.0.1)
      Owin (>= 1.0)
    Microsoft.Owin.Cors (3.0.1)
      Microsoft.AspNet.Cors (>= 5.0)
      Microsoft.Owin (>= 3.0.1)
      Owin (>= 1.0)
    Microsoft.Web.Infrastructure (2.0)
    Newtonsoft.Json (13.0.2)
    NHibernate (5.3.12)
      Antlr3.Runtime (>= 3.5.1 < 4.0) - restriction: || (&& (== net40) (>= net461)) (&& (== net40) (>= netstandard2.0)) (&& (== net45) (>= net461)) (&& (== net45) (>= netstandard2.0)) (&& (== net451) (>= net461)) (&& (== net451) (>= netstandard2.0)) (&& (== net452) (>= net461)) (&& (== net452) (>= netstandard2.0)) (== net461)
      Iesi.Collections (>= 4.0.4 < 5.0) - restriction: || (&& (== net40) (>= net461)) (&& (== net40) (>= netstandard2.0)) (&& (== net45) (>= net461)) (&& (== net45) (>= netstandard2.0)) (&& (== net451) (>= net461)) (&& (== net451) (>= netstandard2.0)) (&& (== net452) (>= net461)) (&& (== net452) (>= netstandard2.0)) (== net461)
      Remotion.Linq (>= 2.2 < 3.0) - restriction: || (&& (== net40) (>= net461)) (&& (== net40) (>= netstandard2.0)) (&& (== net45) (>= net461)) (&& (== net45) (>= netstandard2.0)) (&& (== net451) (>= net461)) (&& (== net451) (>= netstandard2.0)) (&& (== net452) (>= net461)) (&& (== net452) (>= netstandard2.0)) (== net461)
      Remotion.Linq.EagerFetching (>= 2.2 < 3.0) - restriction: || (&& (== net40) (>= net461)) (&& (== net40) (>= netstandard2.0)) (&& (== net45) (>= net461)) (&& (== net45) (>= netstandard2.0)) (&& (== net451) (>= net461)) (&& (== net451) (>= netstandard2.0)) (&& (== net452) (>= net461)) (&& (== net452) (>= netstandard2.0)) (== net461)
    NLog (4.5.11)
    Npgsql (4.0.13)
      System.Memory (>= 4.5.3) - restriction: || (&& (== net40) (>= net45)) (&& (== net40) (>= net451)) (&& (== net40) (>= netstandard2.0)) (== net45) (== net451) (== net452) (== net461)
      System.Runtime.CompilerServices.Unsafe (>= 4.5.2) - restriction: || (&& (== net40) (>= net45)) (&& (== net40) (>= net451)) (&& (== net40) (>= netstandard2.0)) (== net45) (== net451) (== net452) (== net461)
      System.Threading.Tasks.Extensions (>= 4.5.2) - restriction: || (&& (== net40) (>= net45)) (&& (== net40) (>= net451)) (&& (== net40) (>= netstandard2.0)) (== net45) (== net451) (== net452) (== net461)
      System.ValueTuple (>= 4.5) - restriction: || (&& (== net40) (>= net45)) (&& (== net40) (>= net451)) (&& (== net40) (>= netstandard2.0)) (== net45) (== net451) (== net452) (== net461)
    Owin (1.0)
    Quartz (2.6.2)
      Common.Logging (>= 3.3.1)
    Refit (4.6.58)
      Newtonsoft.Json (>= 11.0.2) - restriction: || (&& (== net40) (>= netstandard1.4)) (&& (== net45) (>= netstandard1.4)) (&& (== net451) (>= netstandard1.4)) (&& (== net452) (>= netstandard1.4)) (== net461)
    Remotion.Linq (2.2) - restriction: || (&& (== net40) (>= net461)) (&& (== net40) (>= netstandard2.0)) (&& (== net45) (>= net461)) (&& (== net45) (>= netstandard2.0)) (&& (== net451) (>= net461)) (&& (== net451) (>= netstandard2.0)) (&& (== net452) (>= net461)) (&& (== net452) (>= netstandard2.0)) (== net461)
    Remotion.Linq.EagerFetching (2.2) - restriction: || (&& (== net40) (>= net461)) (&& (== net40) (>= netstandard2.0)) (&& (== net45) (>= net461)) (&& (== net45) (>= netstandard2.0)) (&& (== net451) (>= net461)) (&& (== net451) (>= netstandard2.0)) (&& (== net452) (>= net461)) (&& (== net452) (>= netstandard2.0)) (== net461)
      Remotion.Linq (>= 2.2)
    Swashbuckle (5.6)
      Microsoft.AspNet.WebApi.WebHost (>= 4.0.20710)
      Swashbuckle.Core (>= 5.6)
      WebActivatorEx (>= 2.0)
    Swashbuckle.Core (5.6)
      Microsoft.AspNet.WebApi.Core (>= 4.0.20710)
      Newtonsoft.Json (>= 7.0.1)
    System.Buffers (4.5.1) - restriction: || (&& (== net40) (>= net45)) (&& (== net40) (>= net451)) (&& (== net40) (>= net461)) (&& (== net40) (>= netstandard2.0)) (&& (== net40) (>= xamarinios)) (&& (== net40) (>= xamarinmac)) (== net45) (== net451) (== net452) (== net461)
    System.ComponentModel.Annotations (5.0) - restriction: || (&& (== net40) (>= net451)) (&& (== net40) (>= net452)) (&& (== net40) (>= netstandard2.0)) (&& (== net45) (>= net451)) (&& (== net45) (>= net452)) (&& (== net45) (>= netstandard2.0)) (== net451) (== net452) (== net461)
    System.Memory (4.5.4) - restriction: || (&& (== net40) (>= net45)) (&& (== net40) (>= net451)) (&& (== net40) (>= netstandard2.0)) (== net45) (== net451) (== net452) (== net461)
      System.Buffers (>= 4.5.1) - restriction: || (&& (== net40) (>= monoandroid)) (&& (== net40) (>= monotouch)) (&& (== net40) (>= net45)) (&& (== net40) (>= net461)) (&& (== net40) (>= netstandard1.1)) (&& (== net40) (>= netstandard2.0)) (&& (== net40) (>= portable-net45+win8+wpa81)) (&& (== net40) (>= win8)) (&& (== net40) (>= wpa81)) (&& (== net40) (>= xamarinios)) (&& (== net40) (>= xamarinmac)) (&& (== net40) (>= xamarintvos)) (&& (== net40) (>= xamarinwatchos)) (== net45) (== net451) (== net452) (== net461)
      System.Numerics.Vectors (>= 4.5) - restriction: || (&& (== net40) (>= net461)) (&& (== net45) (>= net461)) (&& (== net451) (>= net461)) (&& (== net452) (>= net461)) (== net461)
      System.Runtime.CompilerServices.Unsafe (>= 4.5.3) - restriction: || (&& (== net40) (>= monoandroid)) (&& (== net40) (>= monotouch)) (&& (== net40) (>= net45)) (&& (== net40) (>= net461)) (&& (== net40) (>= netcoreapp2.0)) (&& (== net40) (>= netstandard1.1)) (&& (== net40) (>= netstandard2.0)) (&& (== net40) (>= portable-net45+win8+wpa81)) (&& (== net40) (>= uap10.1)) (&& (== net40) (>= win8)) (&& (== net40) (>= wpa81)) (&& (== net40) (>= xamarinios)) (&& (== net40) (>= xamarinmac)) (&& (== net40) (>= xamarintvos)) (&& (== net40) (>= xamarinwatchos)) (== net45) (== net451) (== net452) (== net461)
    System.Numerics.Vectors (4.5) - restriction: || (&& (== net40) (>= net461)) (&& (== net45) (>= net461)) (&& (== net451) (>= net461)) (&& (== net452) (>= net461)) (== net461)
    System.Runtime.CompilerServices.Unsafe (5.0) - restriction: || (&& (== net40) (>= net45)) (&& (== net40) (>= net451)) (&& (== net40) (>= net461)) (&& (== net40) (>= netcoreapp2.0)) (&& (== net40) (>= netstandard2.0)) (&& (== net40) (>= xamarinios)) (&& (== net40) (>= xamarinmac)) (== net45) (== net451) (== net452) (== net461)
    System.Threading.Tasks.Extensions (4.5.4) - restriction: || (&& (== net40) (>= net45)) (&& (== net40) (>= net451)) (&& (== net40) (>= netstandard2.0)) (== net45) (== net451) (== net452) (== net461)
      System.Runtime.CompilerServices.Unsafe (>= 4.5.3) - restriction: || (&& (== net40) (>= net45)) (&& (== net40) (>= net461)) (&& (== net40) (>= netstandard1.0)) (&& (== net40) (>= netstandard2.0)) (&& (== net40) (>= portable-net45+win8+wp8+wpa81)) (&& (== net40) (>= win8)) (&& (== net40) (>= wp8)) (&& (== net40) (>= wpa81)) (== net45) (== net451) (== net452) (== net461)
    System.ValueTuple (4.5) - restriction: || (&& (== net40) (>= net45)) (&& (== net40) (>= net451)) (&& (== net40) (>= netstandard2.0)) (== net45) (== net451) (== net452) (== net461)
    WebActivatorEx (2.2)
      Microsoft.Web.Infrastructure (>= 1.0)
  remote: https://nexus.bars.group/repository/b4/index.json
    Bars.B4.Core (3.1.11980)
      Antlr
      Bars.B4.Utils (>= 3.1.11980 < 4.0)
      Castle.Core (>= 3.3.3)
      Castle.WcfIntegrationFacility (>= 3.3)
      Castle.Windsor (>= 3.3)
      elmah.corelibrary (>= 1.2.2)
      fasterflect
      Newtonsoft.Json (>= 6.0.8)
      NLog (>= 3.2.1)
    Bars.B4.Icons (3.1.11980)
      Bars.B4.Core (>= 3.1.11980 < 4.0)
      Bars.B4.Utils (>= 3.1.11980 < 4.0)
      Bars.B4.Utils.Web (>= 3.1.11980 < 4.0)
      Bars.B4.Web (>= 3.1.11980 < 4.0)
      Castle.Core (>= 3.3.3)
      Castle.WcfIntegrationFacility (>= 3.3)
      Castle.Windsor (>= 3.3)
      EcmaScript.NET (>= 1.0.1)
      elmah.corelibrary (>= 1.2.2)
      Mvc3-Base (>= 3.0.20106)
      Newtonsoft.Json (>= 6.0.8)
      NLog (>= 3.2.1)
      YUICompressor.NET (>= 2.7)
    Bars.B4.Modules.Caching.Redis (3.1.11980)
      Bars.B4.Core (>= 3.1.11980 < 4.0)
      Bars.B4.Modules.Caching (>= 3.1.11980 < 4.0)
      Bars.B4.Modules.NH (>= 3.1.11980 < 4.0)
      Bars.B4.Utils (>= 3.1.11980 < 4.0)
      Castle.Core (>= 3.3.3)
      Castle.WcfIntegrationFacility (>= 3.3)
      Castle.Windsor (>= 3.3)
      elmah.corelibrary (>= 1.2.2)
      Iesi.Collections (>= 4.0.1.4000)
      Newtonsoft.Json (>= 6.0.8)
      NHibernate (>= 4.0.3.4000)
      NLog (>= 3.2.1)
      ServiceStack.Common (>= 3.9.71)
      ServiceStack.Redis (>= 3.9.71)
      ServiceStack.Text (>= 3.9.71)
    Bars.B4.Modules.CodeMirror (3.1.11980)
      Bars.B4.Core (>= 3.1.11980 < 4.0)
      Bars.B4.Modules.ExtJs (>= 3.1.11980 < 4.0)
      Bars.B4.Utils (>= 3.1.11980 < 4.0)
      Bars.B4.Utils.Web (>= 3.1.11980 < 4.0)
      Bars.B4.Web (>= 3.1.11980 < 4.0)
      Castle.Core (>= 3.3.3)
      Castle.WcfIntegrationFacility (>= 3.3)
      Castle.Windsor (>= 3.3)
      EcmaScript.NET (>= 1.0.1)
      elmah.corelibrary (>= 1.2.2)
      Mvc3-Base (>= 3.0.20106)
      Newtonsoft.Json (>= 6.0.8)
      NLog (>= 3.2.1)
      YUICompressor.NET (>= 2.7)
    Bars.B4.Modules.Console (3.1.11980)
      Bars.B4.Core (>= 3.1.11980 < 4.0)
      Bars.B4.Utils (>= 3.1.11980 < 4.0)
      Castle.Core (>= 3.3.3)
      Castle.Windsor (>= 3.3)
      CommandLineParser (>= 1.9.71)
      NLog (>= 3.2.1)
    Bars.B4.Modules.Dapper (3.1.11980)
      Bars.B4.Core (>= 3.1.11980 < 4.0)
      Bars.B4.Utils (>= 3.1.11980 < 4.0)
      Castle.Core (>= 3.3.3)
      Castle.WcfIntegrationFacility (>= 3.3)
      Castle.Windsor (>= 3.3)
      Dapper (>= 1.39)
      DapperExtensions (>= 1.4.3)
      elmah.corelibrary (>= 1.2.2)
      Newtonsoft.Json (>= 6.0.8)
      NLog (>= 3.2.1)
      Npgsql (>= 2.1.3)
    Bars.B4.Modules.Desktop (3.1.11980)
      Bars.B4.Core (>= 3.1.11980 < 4.0)
      Bars.B4.Modules.ExtJs (>= 3.1.11980 < 4.0)
      Bars.B4.Utils (>= 3.1.11980 < 4.0)
      Bars.B4.Utils.Web (>= 3.1.11980 < 4.0)
      Bars.B4.Web (>= 3.1.11980 < 4.0)
      Castle.Core (>= 3.3.3)
      Castle.WcfIntegrationFacility (>= 3.3)
      Castle.Windsor (>= 3.3)
      EcmaScript.NET (>= 1.0.1)
      elmah.corelibrary (>= 1.2.2)
      Mvc3-Base (>= 3.0.20106)
      Newtonsoft.Json (>= 6.0.8)
      NLog (>= 3.2.1)
      YUICompressor.NET (>= 2.7)
    Bars.B4.Modules.ECM7 (3.1.11980)
      Bars.B4.Core (>= 3.1.11980 < 4.0)
      Bars.B4.Modules.Ecm7.Framework (>= 2.0 < 3.0)
      Bars.B4.Modules.Ecm7.Migrator (>= 2.0 < 3.0)
      Bars.B4.Modules.NH (>= 3.1.11980 < 4.0)
      Bars.B4.Utils (>= 3.1.11980 < 4.0)
      Bars.B4.Utils.Web (>= 3.1.11980 < 4.0)
      Bars.B4.Web (>= 3.1.11980 < 4.0)
      Castle.Core (>= 3.3.3)
      Castle.WcfIntegrationFacility (>= 3.3)
      Castle.Windsor (>= 3.3)
      EcmaScript.NET (>= 1.0.1)
      elmah.corelibrary (>= 1.2.2)
      Iesi.Collections (>= 4.0.1.4000)
      Mvc3-Base (>= 3.0.20106)
      Newtonsoft.Json (>= 6.0.8)
      NHibernate (>= 4.0.3.4000)
      NLog (>= 3.2.1)
    Bars.B4.Modules.Ecm7.Framework (2.1.319)
      NLog
    Bars.B4.Modules.Ecm7.Migrator (2.1.319)
      Bars.B4.Modules.Ecm7.Framework (>= 2.1.319)
      NLog
    Bars.B4.Modules.Ecm7.Providers.Oracle.Base (2.1.319)
      Bars.B4.Modules.Ecm7.Framework (>= 2.1.319)
      Bars.B4.Modules.Ecm7.Migrator (>= 2.1.319)
      NLog
    Bars.B4.Modules.Ecm7.Providers.Oracle.System (2.1.319)
      Bars.B4.Modules.Ecm7.Framework (>= 2.1.319)
      Bars.B4.Modules.Ecm7.Migrator (>= 2.1.319)
      Bars.B4.Modules.Ecm7.Providers.Oracle.Base (>= 2.1.319)
    Bars.B4.Modules.Ecm7.Providers.PostgreSQL (2.1.319)
      Bars.B4.Modules.Ecm7.Framework (>= 2.1.319)
      Bars.B4.Modules.Ecm7.Migrator (>= 2.1.319)
      NLog
      Npgsql
    Bars.B4.Modules.ESIA (3.1.11980)
      Bars.B4.Core (>= 3.1.11980 < 4.0)
      Bars.B4.Utils (>= 3.1.11980 < 4.0)
      Castle.Core (>= 3.3.3)
      Castle.WcfIntegrationFacility (>= 3.3)
      Castle.Windsor (>= 3.3)
      elmah.corelibrary (>= 1.2.2)
      Newtonsoft.Json (>= 6.0.8)
      NLog (>= 3.2.1)
    Bars.B4.Modules.ExtJs (3.1.11980)
      Bars.B4.Core (>= 3.1.11980 < 4.0)
      Bars.B4.Icons (>= 3.1.11980 < 4.0)
      Bars.B4.Modules.JSDeferred (>= 3.1.11980 < 4.0)
      Bars.B4.Utils (>= 3.1.11980 < 4.0)
      Bars.B4.Utils.Web (>= 3.1.11980 < 4.0)
      Bars.B4.Web (>= 3.1.11980 < 4.0)
      Castle.Core (>= 3.3.3)
      Castle.WcfIntegrationFacility (>= 3.3)
      Castle.Windsor (>= 3.3)
      EcmaScript.NET (>= 1.0.1)
      elmah.corelibrary (>= 1.2.2)
      Mvc3-Base (>= 3.0.20106)
      Newtonsoft.Json (>= 6.0.8)
      NLog (>= 3.2.1)
      YUICompressor.NET (>= 2.7)
    Bars.B4.Modules.ExtJs3 (3.1.11980)
      Bars.B4.Core (>= 3.1.11980 < 4.0)
      Bars.B4.Icons (>= 3.1.11980 < 4.0)
      Bars.B4.Modules.JSDeferred (>= 3.1.11980 < 4.0)
      Bars.B4.Modules.RequireJS (>= 3.1.11980 < 4.0)
      Bars.B4.Utils (>= 3.1.11980 < 4.0)
      Bars.B4.Utils.Web (>= 3.1.11980 < 4.0)
      Bars.B4.Web (>= 3.1.11980 < 4.0)
      Castle.Core (>= 3.3.3)
      Castle.WcfIntegrationFacility (>= 3.3)
      Castle.Windsor (>= 3.3)
      EcmaScript.NET (>= 1.0.1)
      elmah.corelibrary (>= 1.2.2)
      Mvc3-Base (>= 3.0.20106)
      Newtonsoft.Json (>= 6.0.8)
      NLog (>= 3.2.1)
      YUICompressor.NET (>= 2.7)
	  Bars.B4.Modules.FIAS (3.1.11980)
      Bars.B4.Core (>= 3.1.11980 < 4.0)
      Bars.B4.Icons (>= 3.1.11980 < 4.0)
      Bars.B4.Modules.Ecm7.Framework (>= 2.0 < 3.0)
      Bars.B4.Modules.ExtJs (>= 3.1.11980 < 4.0)
      Bars.B4.Modules.NH (>= 3.1.11980 < 4.0)
      Bars.B4.Modules.NH.Migrations (>= 3.1.11980 < 4.0)
      Bars.B4.Utils (>= 3.1.11980 < 4.0)
      Bars.B4.Utils.Web (>= 3.1.11980 < 4.0)
      Bars.B4.Web (>= 3.1.11980 < 4.0)
      Castle.Core (>= 3.3.3)
      Castle.WcfIntegrationFacility (>= 3.3)
      Castle.Windsor (>= 3.3)
      EcmaScript.NET (>= 1.0.1)
      elmah.corelibrary (>= 1.2.2)
      Iesi.Collections (>= 4.0.1.4000)
      Mvc3-Base (>= 3.0.20106)
      Newtonsoft.Json (>= 6.0.8)
      NHibernate (>= 4.0.3.4000)
      NLog (>= 3.2.1)
      YUICompressor.NET (>= 2.7)
    Bars.B4.Modules.FileStorage (3.1.11980)
      Bars.B4.Core (>= 3.1.11980 < 4.0)
      Bars.B4.Modules.Ecm7.Framework (>= 2.0 < 3.0)
      Bars.B4.Modules.NH (>= 3.1.11980 < 4.0)
      Bars.B4.Modules.NH.Migrations (>= 3.1.11980 < 4.0)
      Bars.B4.Modules.Security (>= 3.1.11980 < 4.0)
      Bars.B4.Utils (>= 3.1.11980 < 4.0)
      Bars.B4.Utils.Web (>= 3.1.11980 < 4.0)
      Bars.B4.Web (>= 3.1.11980 < 4.0)
      Castle.Core (>= 3.3.3)
      Castle.WcfIntegrationFacility (>= 3.3)
      Castle.Windsor (>= 3.3)
      EcmaScript.NET (>= 1.0.1)
      elmah.corelibrary (>= 1.2.2)
      Iesi.Collections (>= 4.0.1.4000)
      Mvc3-Base (>= 3.0.20106)
      Newtonsoft.Json (>= 6.0.8)
      NHibernate (>= 4.0.3.4000)
      NLog (>= 3.2.1)
      YUICompressor.NET (>= 2.7)
    Bars.B4.Modules.FileSystemStorage (3.1.11980)
      Bars.B4.Core (>= 3.1.11980 < 4.0)
      Bars.B4.Modules.Ecm7.Framework (>= 2.0 < 3.0)
      Bars.B4.Modules.FileStorage (>= 3.1.11980 < 4.0)
      Bars.B4.Modules.NH (>= 3.1.11980 < 4.0)
      Bars.B4.Modules.NH.Migrations (>= 3.1.11980 < 4.0)
      Bars.B4.Utils (>= 3.1.11980 < 4.0)
      Bars.B4.Utils.Web (>= 3.1.11980 < 4.0)
      Bars.B4.Web (>= 3.1.11980 < 4.0)
      Castle.Core (>= 3.3.3)
      Castle.WcfIntegrationFacility (>= 3.3)
      Castle.Windsor (>= 3.3)
      EcmaScript.NET (>= 1.0.1)
      elmah.corelibrary (>= 1.2.2)
      Iesi.Collections (>= 4.0.1.4000)
      Mvc3-Base (>= 3.0.20106)
      Newtonsoft.Json (>= 6.0.8)
      NHibernate (>= 4.0.3.4000)
      NLog (>= 3.2.1)
      YUICompressor.NET (>= 2.7)
    Bars.B4.Modules.jQuery (3.1.11980)
      Bars.B4.Core (>= 3.1.11980 < 4.0)
      Bars.B4.Utils (>= 3.1.11980 < 4.0)
      Bars.B4.Utils.Web (>= 3.1.11980 < 4.0)
      Bars.B4.Web (>= 3.1.11980 < 4.0)
      Castle.Core (>= 3.3.3)
      Castle.WcfIntegrationFacility (>= 3.3)
      Castle.Windsor (>= 3.3)
      EcmaScript.NET (>= 1.0.1)
      elmah.corelibrary (>= 1.2.2)
      Mvc3-Base (>= 3.0.20106)
      Newtonsoft.Json (>= 6.0.8)
      NLog (>= 3.2.1)
      YUICompressor.NET (>= 2.7)
    Bars.B4.Modules.JSDeferred (3.1.11980)
      Bars.B4.Core (>= 3.1.11980 < 4.0)
      Bars.B4.Modules.RequireJS (>= 3.1.11980 < 4.0)
      Bars.B4.Utils (>= 3.1.11980 < 4.0)
      Bars.B4.Web (>= 3.1.11980 < 4.0)
      Castle.Core (>= 3.3.3)
      Castle.Windsor (>= 3.3)
      Mvc3-Base (>= 3.0.20106)
      Newtonsoft.Json (>= 6.0.8)
    Bars.B4.Modules.LicenseProvider (3.1.11980)
      Bars.B4.Core (>= 3.1.11980 < 4.0)
      Bars.B4.Modules.Ecm7.Framework (>= 2.0 < 3.0)
      Bars.B4.Modules.Mapping (>= 3.1.11980 < 4.0)
      Bars.B4.Modules.NH (>= 3.1.11980 < 4.0)
      Bars.B4.Modules.NH.Migrations (>= 3.1.11980 < 4.0)
      Bars.B4.Modules.Security (>= 3.1.11980 < 4.0)
      Bars.B4.Modules.Security.Web (>= 3.1.11980 < 4.0)
      Bars.B4.Utils (>= 3.1.11980 < 4.0)
      Bars.B4.Utils.Web (>= 3.1.11980 < 4.0)
      Bars.B4.Web (>= 3.1.11980 < 4.0)
      Bars.Security
      Castle.Core (>= 3.3.3)
      Castle.WcfIntegrationFacility (>= 3.3)
      Castle.Windsor (>= 3.3)
      EcmaScript.NET (>= 1.0.1)
      elmah.corelibrary (>= 1.2.2)
      Iesi.Collections (>= 4.0.1.4000)
      Mvc3-Base (>= 3.0.20106)
      Newtonsoft.Json (>= 6.0.8)
      NHibernate (>= 4.0.3.4000)
      NLog (>= 3.2.1)
      YUICompressor.NET (>= 2.7)
    Bars.B4.Modules.MacroAccessManagement (3.1.11980)
      Bars.B4.Core (>= 3.1.11980 < 4.0)
      Bars.B4.Modules.Ecm7.Framework (>= 2.0 < 3.0)
      Bars.B4.Modules.NH (>= 3.1.11980 < 4.0)
      Bars.B4.Modules.NH.Migrations (>= 3.1.11980 < 4.0)
      Bars.B4.Utils (>= 3.1.11980 < 4.0)
      Bars.B4.Utils.Web (>= 3.1.11980 < 4.0)
      Bars.B4.Web (>= 3.1.11980 < 4.0)
      Castle.Core (>= 3.3.3)
      Castle.WcfIntegrationFacility (>= 3.3)
      Castle.Windsor (>= 3.3)
      EcmaScript.NET (>= 1.0.1)
      elmah.corelibrary (>= 1.2.2)
      Iesi.Collections (>= 4.0.1.4000)
      Mvc3-Base (>= 3.0.20106)
      Newtonsoft.Json (>= 6.0.8)
      NHibernate (>= 4.0.3.4000)
      NLog (>= 3.2.1)
      YUICompressor.NET (>= 2.7)
    Bars.B4.Modules.Mapping (3.1.11980)
      Bars.B4.Core (>= 3.1.11980 < 4.0)
      Bars.B4.Utils (>= 3.1.11980 < 4.0)
      Castle.Core (>= 3.3.3)
      Castle.WcfIntegrationFacility (>= 3.3)
      Castle.Windsor (>= 3.3)
      elmah.corelibrary (>= 1.2.2)
      Newtonsoft.Json (>= 6.0.8)
      NLog (>= 3.2.1)
    Bars.B4.Modules.Messenger (3.1.11980)
      Bars.B4.Core (>= 3.1.11980 < 4.0)
      Bars.B4.Modules.Ecm7.Framework (>= 2.0 < 3.0)
      Bars.B4.Modules.FileStorage (>= 3.1.11980 < 4.0)
      Bars.B4.Modules.Mapping (>= 3.1.11980 < 4.0)
      Bars.B4.Modules.NH (>= 3.1.11980 < 4.0)
      Bars.B4.Modules.NH.Migrations (>= 3.1.11980 < 4.0)
      Bars.B4.Modules.Security (>= 3.1.11980 < 4.0)
      Bars.B4.Modules.Security.Web (>= 3.1.11980 < 4.0)
      Bars.B4.Modules.UserProfile (>= 3.1.11980 < 4.0)
      Bars.B4.Utils (>= 3.1.11980 < 4.0)
      Bars.B4.Utils.Web (>= 3.1.11980 < 4.0)
      Bars.B4.Web (>= 3.1.11980 < 4.0)
      Bars.Security
      Castle.Core (>= 3.3.3)
      Castle.WcfIntegrationFacility (>= 3.3)
      Castle.Windsor (>= 3.3)
      EcmaScript.NET (>= 1.0.1)
      elmah.corelibrary (>= 1.2.2)
      Iesi.Collections (>= 4.0.1.4000)
      Mvc3-Base (>= 3.0.20106)
      Newtonsoft.Json (>= 6.0.8)
      NHibernate (>= 4.0.3.4000)
      NLog (>= 3.2.1)
      YUICompressor.NET (>= 2.7)
    Bars.B4.Modules.News (3.1.11980)
      Bars.B4.Core (>= 3.1.11980 < 4.0)
      Bars.B4.Icons (>= 3.1.11980 < 4.0)
      Bars.B4.Modules.Ecm7.Framework (>= 2.0 < 3.0)
      Bars.B4.Modules.ExtJs (>= 3.1.11980 < 4.0)
      Bars.B4.Modules.Mapping (>= 3.1.11980 < 4.0)
      Bars.B4.Modules.NH (>= 3.1.11980 < 4.0)
      Bars.B4.Modules.NH.Migrations (>= 3.1.11980 < 4.0)
      Bars.B4.Modules.Security (>= 3.1.11980 < 4.0)
      Bars.B4.Modules.Security.ExtJS4 (>= 3.1.11980 < 4.0)
      Bars.B4.Modules.Security.Web (>= 3.1.11980 < 4.0)
      Bars.B4.Utils (>= 3.1.11980 < 4.0)
      Bars.B4.Utils.Web (>= 3.1.11980 < 4.0)
      Bars.B4.Web (>= 3.1.11980 < 4.0)
      Bars.Security
      Castle.Core (>= 3.3.3)
      Castle.WcfIntegrationFacility (>= 3.3)
      Castle.Windsor (>= 3.3)
      EcmaScript.NET (>= 1.0.1)
      elmah.corelibrary (>= 1.2.2)
      Iesi.Collections (>= 4.0.1.4000)
      Mvc3-Base (>= 3.0.20106)
      Newtonsoft.Json (>= 6.0.8)
      NHibernate (>= 4.0.3.4000)
      NLog (>= 3.2.1)
      YUICompressor.NET (>= 2.7)
    Bars.B4.Modules.NH.Migrations (3.1.11980)
      Bars.B4.Core (>= 3.1.11980 < 4.0)
      Bars.B4.Modules.Ecm7.Framework (>= 2.0 < 3.0)
      Newtonsoft.Json (>= 6.0.8)
      NLog (>= 3.2.1)
    Bars.B4.Modules.NHibernateChangeLog.ExtJS4 (3.1.11980)
      Bars.B4.Core (>= 3.1.11980 < 4.0)
      Bars.B4.Icons (>= 3.1.11980 < 4.0)
      Bars.B4.Modules.Ecm7.Framework (>= 2.0 < 3.0)
      Bars.B4.Modules.ExtJs (>= 3.1.11980 < 4.0)
      Bars.B4.Modules.Mapping (>= 3.1.11980 < 4.0)
      Bars.B4.Modules.NH (>= 3.1.11980 < 4.0)
      Bars.B4.Modules.NH.Migrations (>= 3.1.11980 < 4.0)
      Bars.B4.Modules.NHibernateChangeLog (>= 3.1.11980 < 4.0)
      Bars.B4.Modules.Security (>= 3.1.11980 < 4.0)
      Bars.B4.Modules.Security.Web (>= 3.1.11980 < 4.0)
      Bars.B4.Utils (>= 3.1.11980 < 4.0)
      Bars.B4.Utils.Web (>= 3.1.11980 < 4.0)
      Bars.B4.Web (>= 3.1.11980 < 4.0)
      Bars.Security
      Castle.Core (>= 3.3.3)
      Castle.WcfIntegrationFacility (>= 3.3)
      Castle.Windsor (>= 3.3)
      EcmaScript.NET (>= 1.0.1)
      elmah.corelibrary (>= 1.2.2)
      Iesi.Collections (>= 4.0.1.4000)
      Mvc3-Base (>= 3.0.20106)
      Newtonsoft.Json (>= 6.0.8)
      NHibernate (>= 4.0.3.4000)
      NLog (>= 3.2.1)
      SharpRaven (>= 1.4.3)
      YUICompressor.NET (>= 2.7)
    Bars.B4.Modules.NlogLogger (3.1.11980)
      Bars.B4.Core (>= 3.1.11980 < 4.0)
      Bars.B4.Utils (>= 3.1.11980 < 4.0)
      Castle.Core (>= 3.3.3)
      Castle.WcfIntegrationFacility (>= 3.3)
      Castle.Windsor (>= 3.3)
      elmah.corelibrary (>= 1.2.2)
      Newtonsoft.Json (>= 6.0.8)
      NLog (>= 3.2.1)
    Bars.B4.Modules.Pivot (3.1.11980)
      Bars.B4.Core (>= 3.1.11980 < 4.0)
      Bars.B4.Utils (>= 3.1.11980 < 4.0)
      Castle.Core (>= 3.3.3)
      Castle.WcfIntegrationFacility (>= 3.3)
      Castle.Windsor (>= 3.3)
      elmah.corelibrary (>= 1.2.2)
      Newtonsoft.Json (>= 6.0.8)
      NLog (>= 3.2.1)
    Bars.B4.Modules.Pivot.DX (3.1.11980)
      Bars.B4.Core (>= 3.1.11980 < 4.0)
      Bars.B4.Modules.Pivot (>= 3.1.11980 < 4.0)
      Bars.B4.Utils (>= 3.1.11980 < 4.0)
      Bars.B4.Utils.Web (>= 3.1.11980 < 4.0)
      Bars.B4.Web (>= 3.1.11980 < 4.0)
      Castle.Core (>= 3.3.3)
      Castle.WcfIntegrationFacility (>= 3.3)
      Castle.Windsor (>= 3.3)
      Devexpress.Pivot (>= 2.0)
      EcmaScript.NET (>= 1.0.1)
      elmah.corelibrary (>= 1.2.2)
      Mvc3-Base (>= 3.0.20106)
      Newtonsoft.Json (>= 6.0.8)
      NLog (>= 3.2.1)
      YUICompressor.NET (>= 2.7)
    Bars.B4.Modules.Quartz (3.1.11980)
      Bars.B4.Core (>= 3.1.11980 < 4.0)
      Bars.B4.Utils (>= 3.1.11980 < 4.0)
      Castle.Core (>= 3.3.3)
      Castle.WcfIntegrationFacility (>= 3.3)
      Castle.Windsor (>= 3.3)
      elmah.corelibrary (>= 1.2.2)
      Newtonsoft.Json (>= 6.0.8)
      NLog (>= 3.2.1)
      Quartz (>= 2.3.1)
    Bars.B4.Modules.QueryDesigner (3.1.11980)
      AutoMapper (>= 3.3 < 4.0)
      Bars.B4.Core (>= 3.1.11980 < 4.0)
      Bars.B4.Modules.Ecm7.Framework (>= 2.0 < 3.0)
      Bars.B4.Modules.FileStorage (>= 3.1.11980 < 4.0)
      Bars.B4.Modules.MacroAccessManagement (>= 3.1.11980 < 4.0)
      Bars.B4.Modules.Mapping (>= 3.1.11980 < 4.0)
      Bars.B4.Modules.NH (>= 3.1.11980 < 4.0)
      Bars.B4.Modules.NH.Migrations (>= 3.1.11980 < 4.0)
      Bars.B4.Modules.Quartz (>= 3.1.11980 < 4.0)
      Bars.B4.Modules.Reports (>= 3.1.11980 < 4.0)
      Bars.B4.Modules.Security (>= 3.1.11980 < 4.0)
      Bars.B4.Utils (>= 3.1.11980 < 4.0)
      Bars.Security
      Castle.Core (>= 3.3.3)
      Castle.Windsor (>= 3.3)
      elmah.corelibrary (>= 1.2.2)
      Iesi.Collections (>= 4.0.1.4000)
      Newtonsoft.Json (>= 6.0.8)
      NHibernate (>= 4.0.3.4000)
      NLog (>= 3.2.1)
      Quartz (>= 2.3.1)
    Bars.B4.Modules.QueryDesigner.ExtJS4 (3.1.11980)
      Bars.B4.Core (>= 3.1.11980 < 4.0)
      Bars.B4.Icons (>= 3.1.11980 < 4.0)
      Bars.B4.Modules.CodeMirror (>= 3.1.11980 < 4.0)
      Bars.B4.Modules.Ecm7.Framework (>= 2.0 < 3.0)
      Bars.B4.Modules.ExtJs (>= 3.1.11980 < 4.0)
      Bars.B4.Modules.Mapping (>= 3.1.11980 < 4.0)
      Bars.B4.Modules.NH (>= 3.1.11980 < 4.0)
      Bars.B4.Modules.NH.Migrations (>= 3.1.11980 < 4.0)
      Bars.B4.Modules.QueryDesigner (>= 3.1.11980 < 4.0)
      Bars.B4.Modules.Reports (>= 3.1.11980 < 4.0)
      Bars.B4.Modules.Security (>= 3.1.11980 < 4.0)
      Bars.B4.Modules.Setup (>= 3.1.11980 < 4.0)
      Bars.B4.UI.ExtJs4 (>= 3.1.11980 < 4.0)
      Bars.B4.Utils (>= 3.1.11980 < 4.0)
      Bars.B4.Utils.Web (>= 3.1.11980 < 4.0)
      Bars.B4.Web (>= 3.1.11980 < 4.0)
      Bars.Security
      Castle.Core (>= 3.3.3)
      Castle.WcfIntegrationFacility (>= 3.3)
      Castle.Windsor (>= 3.3)
      EcmaScript.NET (>= 1.0.1)
      elmah.corelibrary (>= 1.2.2)
      Iesi.Collections (>= 4.0.1.4000)
      Mvc3-Base (>= 3.0.20106)
      Newtonsoft.Json (>= 6.0.8)
      NHibernate (>= 4.0.3.4000)
      NLog (>= 3.2.1)
      Quartz (>= 2.3.1)
      YUICompressor.NET (>= 2.7)
    Bars.B4.Modules.Queue (3.1.11980)
      Bars.B4.Core (>= 3.1.11980 < 4.0)
      Bars.B4.Utils (>= 3.1.11980 < 4.0)
      Castle.Core (>= 3.3.3)
      Castle.WcfIntegrationFacility (>= 3.3)
      Castle.Windsor (>= 3.3)
      elmah.corelibrary (>= 1.2.2)
      Newtonsoft.Json (>= 6.0.8)
      NLog (>= 3.2.1)
    Bars.B4.Modules.Queue.RabbitMQ (3.1.11980)
      Bars.B4.Core (>= 3.1.11980 < 4.0)
      Bars.B4.Modules.Queue (>= 3.1.11980 < 4.0)
      Bars.B4.Utils (>= 3.1.11980 < 4.0)
      Castle.Core (>= 3.3.3)
      Castle.WcfIntegrationFacility (>= 3.3)
      Castle.Windsor (>= 3.3)
      EasyNetQ.Management.Client (>= 0.40.3.355)
      elmah.corelibrary (>= 1.2.2)
      Newtonsoft.Json (>= 6.0.8)
      NLog (>= 3.2.1)
      RabbitMQ.Client (>= 3.3)
    Bars.B4.Modules.Queue.RabbitMQ.Web (3.1.11980)
      Bars.B4.Core (>= 3.1.11980 < 4.0)
      Bars.B4.Icons (>= 3.1.11980 < 4.0)
      Bars.B4.Modules.ExtJs (>= 3.1.11980 < 4.0)
      Bars.B4.Modules.Queue.RabbitMQ (>= 3.1.11980 < 4.0)
      Bars.B4.Utils (>= 3.1.11980 < 4.0)
      Bars.B4.Utils.Web (>= 3.1.11980 < 4.0)
      Bars.B4.Web (>= 3.1.11980 < 4.0)
      Castle.Core (>= 3.3.3)
      Castle.WcfIntegrationFacility (>= 3.3)
      Castle.Windsor (>= 3.3)
      EasyNetQ.Management.Client (>= 0.40.3.355)
      EcmaScript.NET (>= 1.0.1)
      elmah.corelibrary (>= 1.2.2)
      Mvc3-Base (>= 3.0.20106)
      Newtonsoft.Json (>= 6.0.8)
      NLog (>= 3.2.1)
      YUICompressor.NET (>= 2.7)
    Bars.B4.Modules.ReportDesigner (3.1.11980)
      Bars.B4.Core (>= 3.1.11980 < 4.0)
      Bars.B4.Icons (>= 3.1.11980 < 4.0)
      Bars.B4.Modules.Ecm7.Framework (>= 2.0 < 3.0)
      Bars.B4.Modules.ExtJs (>= 3.1.11980 < 4.0)
      Bars.B4.Modules.FileStorage (>= 3.1.11980 < 4.0)
      Bars.B4.Modules.Mapping (>= 3.1.11980 < 4.0)
      Bars.B4.Modules.NH (>= 3.1.11980 < 4.0)
      Bars.B4.Modules.NH.Migrations (>= 3.1.11980 < 4.0)
      Bars.B4.Modules.QueryDesigner (>= 3.1.11980 < 4.0)
      Bars.B4.Modules.ReportPanel (>= 3.1.11980 < 4.0)
      Bars.B4.Modules.Reports (>= 3.1.11980 < 4.0)
      Bars.B4.Modules.Security (>= 3.1.11980 < 4.0)
      Bars.B4.Modules.Security.ExtJS4 (>= 3.1.11980 < 4.0)
      Bars.B4.Modules.Security.Web (>= 3.1.11980 < 4.0)
      Bars.B4.Utils (>= 3.1.11980 < 4.0)
      Bars.B4.Utils.Web (>= 3.1.11980 < 4.0)
      Bars.B4.Web (>= 3.1.11980 < 4.0)
      Bars.Security
      Castle.Core (>= 3.3.3)
      Castle.WcfIntegrationFacility (>= 3.3)
      Castle.Windsor (>= 3.3)
      EcmaScript.NET (>= 1.0.1)
      elmah.corelibrary (>= 1.2.2)
      Iesi.Collections (>= 4.0.1.4000)
      Mvc3-Base (>= 3.0.20106)
      Newtonsoft.Json (>= 6.0.8)
      NHibernate (>= 4.0.3.4000)
      NLog (>= 3.2.1)
      StimulReport.Base (2015.1)
      StimulReport.Web (2015.1)
      YUICompressor.NET (>= 2.7)
    Bars.B4.Modules.ReportPanel (3.1.11980)
      Bars.B4.Core (>= 3.1.11980 < 4.0)
      Bars.B4.Icons (>= 3.1.11980 < 4.0)
      Bars.B4.Modules.Ecm7.Framework (>= 2.0 < 3.0)
      Bars.B4.Modules.ExtJs (>= 3.1.11980 < 4.0)
      Bars.B4.Modules.FileStorage (>= 3.1.11980 < 4.0)
      Bars.B4.Modules.NH (>= 3.1.11980 < 4.0)
      Bars.B4.Modules.Pivot (>= 3.1.11980 < 4.0)
      Bars.B4.Modules.Reports (>= 3.1.11980 < 4.0)
      Bars.B4.Modules.TaskManager.Contracts (>= 3.1.11980 < 4.0)
      Bars.B4.Utils (>= 3.1.11980 < 4.0)
      Bars.B4.Utils.Web (>= 3.1.11980 < 4.0)
      Bars.B4.Web (>= 3.1.11980 < 4.0)
      Castle.Core (>= 3.3.3)
      Castle.WcfIntegrationFacility (>= 3.3)
      Castle.Windsor (>= 3.3)
      EcmaScript.NET (>= 1.0.1)
      elmah.corelibrary (>= 1.2.2)
      Iesi.Collections (>= 4.0.1.4000)
      Mvc3-Base (>= 3.0.20106)
      Newtonsoft.Json (>= 6.0.8)
      NHibernate (>= 4.0.3.4000)
      NLog (>= 3.2.1)
      StimulReport.Base (2015.1)
      YUICompressor.NET (>= 2.7)
    Bars.B4.Modules.Reports (3.1.11980)
      Bars.B4.Core (>= 3.1.11980 < 4.0)
      Bars.B4.Utils (>= 3.1.11980 < 4.0)
      Bars.B4.Utils.Web (>= 3.1.11980 < 4.0)
      Bars.B4.Web (>= 3.1.11980 < 4.0)
      Castle.Core (>= 3.3.3)
      Castle.WcfIntegrationFacility (>= 3.3)
      Castle.Windsor (>= 3.3)
      EcmaScript.NET (>= 1.0.1)
      elmah.corelibrary (>= 1.2.2)
      Mvc3-Base (>= 3.0.20106)
      Newtonsoft.Json (>= 6.0.8)
      NLog (>= 3.2.1)
      YUICompressor.NET (>= 2.7)
    Bars.B4.Modules.RequireJS (3.1.11980)
      Bars.B4.Core (>= 3.1.11980 < 4.0)
      Bars.B4.Utils (>= 3.1.11980 < 4.0)
      Bars.B4.Web (>= 3.1.11980 < 4.0)
      Castle.Core (>= 3.3.3)
      Castle.Windsor (>= 3.3)
      Mvc3-Base (>= 3.0.20106)
      Newtonsoft.Json (>= 6.0.8)
    Bars.B4.Modules.Security (3.1.11980)
      Bars.B4.Core (>= 3.1.11980 < 4.0)
      Bars.B4.Modules.Ecm7.Framework (>= 2.0 < 3.0)
      Bars.B4.Modules.Mapping (>= 3.1.11980 < 4.0)
      Bars.B4.Modules.NH (>= 3.1.11980 < 4.0)
      Bars.B4.Modules.NH.Migrations (>= 3.1.11980 < 4.0)
      Bars.B4.Utils (>= 3.1.11980 < 4.0)
      Bars.B4.Utils.Web (>= 3.1.11980 < 4.0)
      Bars.Security
      Castle.Core (>= 3.3.3)
      Castle.WcfIntegrationFacility (>= 3.3)
      Castle.Windsor (>= 3.3)
      EcmaScript.NET (>= 1.0.1)
      elmah.corelibrary (>= 1.2.2)
      Iesi.Collections (>= 4.0.1.4000)
      Mvc3-Base (>= 3.0.20106)
      Newtonsoft.Json (>= 6.0.8)
      NHibernate (>= 4.0.3.4000)
      NLog (>= 3.2.1)
    Bars.B4.Modules.Security.ExtJS4 (3.1.11980)
      Bars.B4.Core (>= 3.1.11980 < 4.0)
      Bars.B4.Icons (>= 3.1.11980 < 4.0)
      Bars.B4.Modules.Ecm7.Framework (>= 2.0 < 3.0)
      Bars.B4.Modules.ExtJs (>= 3.1.11980 < 4.0)
      Bars.B4.Modules.Mapping (>= 3.1.11980 < 4.0)
      Bars.B4.Modules.NH (>= 3.1.11980 < 4.0)
      Bars.B4.Modules.NH.Migrations (>= 3.1.11980 < 4.0)
      Bars.B4.Modules.Security (>= 3.1.11980 < 4.0)
      Bars.B4.Modules.Security.Web (>= 3.1.11980 < 4.0)
      Bars.B4.Modules.Setup (>= 3.1.11980 < 4.0)
      Bars.B4.Utils (>= 3.1.11980 < 4.0)
      Bars.B4.Utils.Web (>= 3.1.11980 < 4.0)
      Bars.B4.Web (>= 3.1.11980 < 4.0)
      Bars.Security
      Castle.Core (>= 3.3.3)
      Castle.WcfIntegrationFacility (>= 3.3)
      Castle.Windsor (>= 3.3)
      EcmaScript.NET (>= 1.0.1)
      elmah.corelibrary (>= 1.2.2)
      Iesi.Collections (>= 4.0.1.4000)
      Mvc3-Base (>= 3.0.20106)
      Newtonsoft.Json (>= 6.0.8)
      NHibernate (>= 4.0.3.4000)
      NLog (>= 3.2.1)
      YUICompressor.NET (>= 2.7)
    Bars.B4.Modules.Security.Web (3.1.11980)
      Bars.B4.Core (>= 3.1.11980 < 4.0)
      Bars.B4.Modules.Security (>= 3.1.11980 < 4.0)
      Bars.B4.Utils (>= 3.1.11980 < 4.0)
      Bars.B4.Utils.Web (>= 3.1.11980 < 4.0)
      Bars.B4.Web (>= 3.1.11980 < 4.0)
      Bars.Security
      Castle.Core (>= 3.3.3)
      Castle.WcfIntegrationFacility (>= 3.3)
      Castle.Windsor (>= 3.3)
      EcmaScript.NET (>= 1.0.1)
      elmah.corelibrary (>= 1.2.2)
      Iesi.Collections (>= 4.0.1.4000)
      Mvc3-Base (>= 3.0.20106)
      Newtonsoft.Json (>= 6.0.8)
      NHibernate (>= 4.0.3.4000)
      NLog (>= 3.2.1)
    Bars.B4.Modules.Setup (3.1.11980)
      Bars.B4.Core (>= 3.1.11980 < 4.0)
      Bars.B4.Icons (>= 3.1.11980 < 4.0)
      Bars.B4.Modules.ECM7 (>= 3.1.11980 < 4.0)
      Bars.B4.Modules.Ecm7.Framework (>= 2.0 < 3.0)
      Bars.B4.Modules.Ecm7.Migrator (>= 2.0 < 3.0)
      Bars.B4.Modules.ExtJs (>= 3.1.11980 < 4.0)
      Bars.B4.Modules.Mapping (>= 3.1.11980 < 4.0)
      Bars.B4.Modules.NH (>= 3.1.11980 < 4.0)
      Bars.B4.Modules.NH.Migrations (>= 3.1.11980 < 4.0)
      Bars.B4.Modules.Security (>= 3.1.11980 < 4.0)
      Bars.B4.Modules.Security.Web (>= 3.1.11980 < 4.0)
      Bars.B4.Utils (>= 3.1.11980 < 4.0)
      Bars.B4.Utils.Web (>= 3.1.11980 < 4.0)
      Bars.B4.Web (>= 3.1.11980 < 4.0)
      Bars.Security
      Castle.Core (>= 3.3.3)
      Castle.WcfIntegrationFacility (>= 3.3)
      Castle.Windsor (>= 3.3)
      DotNetZip (>= 1.9.3)
      EcmaScript.NET (>= 1.0.1)
      elmah.corelibrary (>= 1.2.2)
      Iesi.Collections (>= 4.0.1.4000)
      Mvc3-Base (>= 3.0.20106)
      Newtonsoft.Json (>= 6.0.8)
      NHibernate (>= 4.0.3.4000)
      NLog (>= 3.2.1)
      YUICompressor.NET (>= 2.7)
    Bars.B4.Modules.States (3.1.11980)
      Bars.B4.Core (>= 3.1.11980 < 4.0)
      Bars.B4.Icons (>= 3.1.11980 < 4.0)
      Bars.B4.Modules.Ecm7.Framework (>= 2.0 < 3.0)
      Bars.B4.Modules.ExtJs (>= 3.1.11980 < 4.0)
      Bars.B4.Modules.Mapping (>= 3.1.11980 < 4.0)
      Bars.B4.Modules.NH (>= 3.1.11980 < 4.0)
      Bars.B4.Modules.NH.Migrations (>= 3.1.11980 < 4.0)
      Bars.B4.Modules.Security (>= 3.1.11980 < 4.0)
      Bars.B4.Modules.Security.ExtJS4 (>= 3.1.11980 < 4.0)
      Bars.B4.Modules.Security.Web (>= 3.1.11980 < 4.0)
      Bars.B4.Utils (>= 3.1.11980 < 4.0)
      Bars.B4.Utils.Web (>= 3.1.11980 < 4.0)
      Bars.B4.Web (>= 3.1.11980 < 4.0)
      Bars.Security
      Castle.Core (>= 3.3.3)
      Castle.WcfIntegrationFacility (>= 3.3)
      Castle.Windsor (>= 3.3)
      EcmaScript.NET (>= 1.0.1)
      elmah.corelibrary (>= 1.2.2)
      Iesi.Collections (>= 4.0.1.4000)
      Mvc3-Base (>= 3.0.20106)
      Newtonsoft.Json (>= 6.0.8)
      NHibernate (>= 4.0.3.4000)
      NLog (>= 3.2.1)
      YUICompressor.NET (>= 2.7)
    Bars.B4.Modules.StimulReportGenerator (3.1.11980)
      Bars.B4.Core (>= 3.1.11980 < 4.0)
      Bars.B4.Modules.Reports (>= 3.1.11980 < 4.0)
      Bars.B4.Utils (>= 3.1.11980 < 4.0)
      Castle.Core (>= 3.3.3)
      Castle.WcfIntegrationFacility (>= 3.3)
      Castle.Windsor (>= 3.3)
      elmah.corelibrary (>= 1.2.2)
      Newtonsoft.Json (>= 6.0.8)
      NLog (>= 3.2.1)
      StimulReport.Base (2015.1)
    Bars.B4.Modules.TaskManager (3.1.11980)
      Bars.B4.Core (>= 3.1.11980 < 4.0)
      Bars.B4.Modules.Ecm7.Framework (>= 2.0 < 3.0)
      Bars.B4.Modules.FileStorage (>= 3.1.11980 < 4.0)
      Bars.B4.Modules.NH (>= 3.1.11980 < 4.0)
      Bars.B4.Modules.Reports (>= 3.1.11980 < 4.0)
      Bars.B4.Modules.TaskManager.Contracts (>= 3.1.11980 < 4.0)
      Bars.B4.Utils (>= 3.1.11980 < 4.0)
      Bars.B4.Utils.Web (>= 3.1.11980 < 4.0)
      Bars.B4.Web (>= 3.1.11980 < 4.0)
      Castle.Core (>= 3.3.3)
      Castle.Windsor (>= 3.3)
      EcmaScript.NET (>= 1.0.1)
      elmah.corelibrary (>= 1.2.2)
      Iesi.Collections (>= 4.0.1.4000)
      Mvc3-Base (>= 3.0.20106)
      Newtonsoft.Json (>= 6.0.8)
      NHibernate (>= 4.0.3.4000)
      NLog (>= 3.2.1)
    Bars.B4.Modules.TaskManager.Contracts (3.1.11980)
      Bars.B4.Core (>= 3.1.11980 < 4.0)
      Bars.B4.Utils (>= 3.1.11980 < 4.0)
      Castle.Core (>= 3.3.3)
      Castle.Windsor (>= 3.3)
    Bars.B4.Modules.Tasks.Common (3.1.11980)
      Bars.B4.Core (>= 3.1.11980 < 4.0)
      Bars.B4.Modules.Queue (>= 3.1.11980 < 4.0)
      Bars.B4.Utils (>= 3.1.11980 < 4.0)
      Castle.Core (>= 3.3.3)
      Castle.WcfIntegrationFacility (>= 3.3)
      Castle.Windsor (>= 3.3)
      elmah.corelibrary (>= 1.2.2)
      Newtonsoft.Json (>= 6.0.8)
      NLog (>= 3.2.1)
    Bars.B4.Modules.Tasks.Db (3.1.11980)
      Bars.B4.Core (>= 3.1.11980 < 4.0)
      Bars.B4.Modules.Ecm7.Framework (>= 2.0 < 3.0)
      Bars.B4.Modules.NH (>= 3.1.11980 < 4.0)
      Bars.B4.Modules.NH.Migrations (>= 3.1.11980 < 4.0)
      Bars.B4.Modules.Tasks.Common (>= 3.1.11980 < 4.0)
      Bars.B4.Utils (>= 3.1.11980 < 4.0)
      Bars.B4.Utils.Web (>= 3.1.11980 < 4.0)
      Bars.B4.Web (>= 3.1.11980 < 4.0)
      Castle.Core (>= 3.3.3)
      Castle.WcfIntegrationFacility (>= 3.3)
      Castle.Windsor (>= 3.3)
      EcmaScript.NET (>= 1.0.1)
      elmah.corelibrary (>= 1.2.2)
      Iesi.Collections (>= 4.0.1.4000)
      Mvc3-Base (>= 3.0.20106)
      Newtonsoft.Json (>= 6.0.8)
      NHibernate (>= 4.0.3.4000)
      NLog (>= 3.2.1)
      YUICompressor.NET (>= 2.7)
    Bars.B4.Modules.Tasks.Executor (3.1.11980)
      Bars.B4.Core (>= 3.1.11980 < 4.0)
      Bars.B4.Modules.Console (>= 3.1.11980 < 4.0)
      Bars.B4.Modules.Queue (>= 3.1.11980 < 4.0)
      Bars.B4.Modules.Tasks.Common (>= 3.1.11980 < 4.0)
      Bars.B4.Utils (>= 3.1.11980 < 4.0)
      Bars.B4.Utils.Web (>= 3.1.11980 < 4.0)
      Bars.B4.Web (>= 3.1.11980 < 4.0)
      Castle.Core (>= 3.3.3)
      Castle.WcfIntegrationFacility (>= 3.3)
      Castle.Windsor (>= 3.3)
      CommandLineParser (>= 1.9.71)
      EcmaScript.NET (>= 1.0.1)
      elmah.corelibrary (>= 1.2.2)
      Microsoft.Tpl.Dataflow (>= 4.5.24)
      Mvc3-Base (>= 3.0.20106)
      Newtonsoft.Json (>= 6.0.8)
      NLog (>= 3.2.1)
      YUICompressor.NET (>= 2.7)
    Bars.B4.Modules.Tasks.MasterApp (3.1.11980)
      Bars.B4.Core (>= 3.1.11980 < 4.0)
      Bars.B4.Modules.Console (>= 3.1.11980 < 4.0)
      Bars.B4.Modules.Queue (>= 3.1.11980 < 4.0)
      Bars.B4.Modules.Tasks.Common (>= 3.1.11980 < 4.0)
      Bars.B4.Utils (>= 3.1.11980 < 4.0)
      Castle.Core (>= 3.3.3)
      Castle.WcfIntegrationFacility (>= 3.3)
      Castle.Windsor (>= 3.3)
      CommandLineParser (>= 1.9.71)
      elmah.corelibrary (>= 1.2.2)
      Newtonsoft.Json (>= 6.0.8)
      NLog (>= 3.2.1)
    Bars.B4.Modules.Tasks.Web (3.1.11980)
      Bars.B4.Core (>= 3.1.11980 < 4.0)
      Bars.B4.Icons (>= 3.1.11980 < 4.0)
      Bars.B4.Modules.ExtJs (>= 3.1.11980 < 4.0)
      Bars.B4.Modules.FileStorage (>= 3.1.11980 < 4.0)
      Bars.B4.Modules.Tasks.Common (>= 3.1.11980 < 4.0)
      Bars.B4.Modules.Tasks.Db (>= 3.1.11980 < 4.0)
      Bars.B4.Utils (>= 3.1.11980 < 4.0)
      Bars.B4.Utils.Web (>= 3.1.11980 < 4.0)
      Bars.B4.Web (>= 3.1.11980 < 4.0)
      Castle.Core (>= 3.3.3)
      Castle.WcfIntegrationFacility (>= 3.3)
      Castle.Windsor (>= 3.3)
      EcmaScript.NET (>= 1.0.1)
      elmah.corelibrary (>= 1.2.2)
      Mvc3-Base (>= 3.0.20106)
      Newtonsoft.Json (>= 6.0.8)
      NLog (>= 3.2.1)
      YUICompressor.NET (>= 2.7)
    Bars.B4.Modules.UserActivity (3.1.11980)
      Bars.B4.Core (>= 3.1.11980 < 4.0)
      Bars.B4.Icons (>= 3.1.11980 < 4.0)
      Bars.B4.Modules.Ecm7.Framework (>= 2.0 < 3.0)
      Bars.B4.Modules.ExtJs (>= 3.1.11980 < 4.0)
      Bars.B4.Modules.Mapping (>= 3.1.11980 < 4.0)
      Bars.B4.Modules.NH (>= 3.1.11980 < 4.0)
      Bars.B4.Modules.NH.Migrations (>= 3.1.11980 < 4.0)
      Bars.B4.Modules.Security (>= 3.1.11980 < 4.0)
      Bars.B4.Modules.Security.Web (>= 3.1.11980 < 4.0)
      Bars.B4.Utils (>= 3.1.11980 < 4.0)
      Bars.B4.Utils.Web (>= 3.1.11980 < 4.0)
      Bars.B4.Web (>= 3.1.11980 < 4.0)
      Bars.Security
      Castle.Core (>= 3.3.3)
      Castle.WcfIntegrationFacility (>= 3.3)
      Castle.Windsor (>= 3.3)
      EcmaScript.NET (>= 1.0.1)
      elmah.corelibrary (>= 1.2.2)
      Iesi.Collections (>= 4.0.1.4000)
      Mvc3-Base (>= 3.0.20106)
      Newtonsoft.Json (>= 6.0.8)
      NHibernate (>= 4.0.3.4000)
      NLog (>= 3.2.1)
    Bars.B4.Modules.UserProfile (3.1.11980)
      Bars.B4.Core (>= 3.1.11980 < 4.0)
      Bars.B4.Icons (>= 3.1.11980 < 4.0)
      Bars.B4.Modules.Ecm7.Framework (>= 2.0 < 3.0)
      Bars.B4.Modules.ExtJs3 (>= 3.1.11980 < 4.0)
      Bars.B4.Modules.Mapping (>= 3.1.11980 < 4.0)
      Bars.B4.Modules.NH (>= 3.1.11980 < 4.0)
      Bars.B4.Modules.NH.Migrations (>= 3.1.11980 < 4.0)
      Bars.B4.Modules.Security (>= 3.1.11980 < 4.0)
      Bars.B4.Modules.Security.Web (>= 3.1.11980 < 4.0)
      Bars.B4.Utils (>= 3.1.11980 < 4.0)
      Bars.B4.Utils.Web (>= 3.1.11980 < 4.0)
      Bars.B4.Web (>= 3.1.11980 < 4.0)
      Bars.Security
      Castle.Core (>= 3.3.3)
      Castle.WcfIntegrationFacility (>= 3.3)
      Castle.Windsor (>= 3.3)
      EcmaScript.NET (>= 1.0.1)
      elmah.corelibrary (>= 1.2.2)
      Iesi.Collections (>= 4.0.1.4000)
      Mvc3-Base (>= 3.0.20106)
      Newtonsoft.Json (>= 6.0.8)
      NHibernate (>= 4.0.3.4000)
      NLog (>= 3.2.1)
    Bars.B4.Modules.XlsIO (3.1.11980)
      Bars.B4.Core (>= 3.1.11980 < 4.0)
      Bars.B4.Modules.Reports (>= 3.1.11980 < 4.0)
      Bars.B4.Utils (>= 3.1.11980 < 4.0)
      Castle.Core (>= 3.3.3)
      Castle.WcfIntegrationFacility (>= 3.3)
      Castle.Windsor (>= 3.3)
      elmah.corelibrary (>= 1.2.2)
      Mvc3-Base (>= 3.0.20106)
      Newtonsoft.Json (>= 6.0.8)
      NLog (>= 3.2.1)
      Syncfusion.Compression.Base (>= 8.403.0.10)
      Syncfusion.Core (>= 8.403.0.10)
      Syncfusion.XlsIO.Base (>= 8.403.0.10)
    Bars.B4.TestToolkit (3.1.11980)
      Bars.B4.Core (>= 3.1.11980 < 4.0)
      Bars.B4.Utils (>= 3.1.11980 < 4.0)
      Bars.B4.Utils.Web (>= 3.1.11980 < 4.0)
      Bars.B4.Web (>= 3.1.11980 < 4.0)
      Castle.Core (>= 3.3.3)
      Castle.Windsor (>= 3.3)
      elmah.corelibrary (>= 1.2.2)
      FluentAssertions (>= 3.3)
      Newtonsoft.Json (>= 6.0.8)
      NLog (>= 3.2.1)
      SpecFlow (>= 1.9.2.3)
      xunit (>= 2.0 < 2.1)
      xunit.abstractions (>= 2.0 < 2.1)
      xunit.assert (>= 2.0 < 2.1)
      xunit.extensibility.core (>= 2.0 < 2.1)
    Bars.B4.TestToolkit.Integrational (3.1.11980)
      Bars.B4.Core (>= 3.1.11980 < 4.0)
      Bars.B4.Modules.Ecm7.Framework (>= 2.0 < 3.0)
      Bars.B4.Modules.Ecm7.Migrator (>= 2.0 < 3.0)
      Bars.B4.Modules.Ecm7.Providers.PostgreSQL (>= 2.0 < 3.0)
      Bars.B4.Modules.NH (>= 3.1.11980 < 4.0)
      Bars.B4.Modules.NH.Postgres (>= 3.1.11980 < 4.0)
      Bars.B4.TestToolkit (>= 3.1.11980 < 4.0)
      Bars.B4.Utils (>= 3.1.11980 < 4.0)
      Bars.B4.Web (>= 3.1.11980 < 4.0)
      Castle.Core (>= 3.3.3)
      Castle.Windsor (>= 3.3)
      FluentAssertions (>= 3.3)
      Mvc3-Base (>= 3.0.20106)
      NLog (>= 3.2.1)
      Npgsql (>= 2.1.3)
      SharpZipLib (>= 0.86)
    Bars.B4.UI.ExtJs4 (3.1.11980)
      Bars.B4.Core (>= 3.1.11980 < 4.0)
      Bars.B4.Icons (>= 3.1.11980 < 4.0)
      Bars.B4.Modules.ExtJs (>= 3.1.11980 < 4.0)
      Bars.B4.Utils (>= 3.1.11980 < 4.0)
      Bars.B4.Utils.Web (>= 3.1.11980 < 4.0)
      Bars.B4.Web (>= 3.1.11980 < 4.0)
      Castle.Core (>= 3.3.3)
      Castle.WcfIntegrationFacility (>= 3.3)
      Castle.Windsor (>= 3.3)
      EcmaScript.NET (>= 1.0.1)
      elmah.corelibrary (>= 1.2.2)
      Mvc3-Base (>= 3.0.20106)
      Newtonsoft.Json (>= 6.0.8)
      NLog (>= 3.2.1)
      YUICompressor.NET (>= 2.7)
    Bars.B4.Utils (3.1.11980)
      Castle.Core (>= 3.3.3)
      Castle.Windsor (>= 3.3)
      Newtonsoft.Json (>= 6.0.8)
      QuickGraph (>= 3.6.61119.7)
    Bars.B4.Utils.Web (3.1.11980)
      Bars.B4.Utils (>= 3.1.11980 < 4.0)
      Castle.Core (>= 3.3.3)
      Castle.Windsor (>= 3.3)
      Mvc3-Base (>= 3.0.20106)
      Newtonsoft.Json (>= 6.0.8)
    Bars.B4.Web (3.1.11980)
      Bars.B4.Core (>= 3.1.11980 < 4.0)
      Bars.B4.Utils (>= 3.1.11980 < 4.0)
      Bars.B4.Utils.Web (>= 3.1.11980 < 4.0)
      Castle.Core (>= 3.3.3)
      Castle.Windsor (>= 3.3)
      EcmaScript.NET (>= 1.0.1)
      Mvc3-Base (>= 3.0.20106)
      Newtonsoft.Json (>= 6.0.8)
      NLog (>= 3.2.1)
      YUICompressor.NET (>= 2.7)
  remote: https://nexus.bars.group/repository/gkhsz/index.json
    Bars.B4.Modules.Audit (3.1.11980.1)
    Bars.B4.Modules.Caching (3.1.11980.1)
    Bars.B4.Modules.DataExport (3.1.11980.1)
    Bars.B4.Modules.Mapping.NHibernate (3.1.11980.1)
    Bars.B4.Modules.NH (3.1.11980.1)
    Bars.B4.Modules.NH.Postgres (3.1.11980.1)
    Bars.B4.Modules.NHibernateChangeLog (3.1.11980.1)
    Bars.Security (2.0.1)
    CryptoPro.Sharpei.Base (1.4.6397)
    NLog.Targets.GelfStandard (1.0.2)
      Newtonsoft.Json (>= 9.0.1) - restriction: || (&& (== net40) (>= net451)) (&& (== net40) (>= net452)) (&& (== net40) (>= netstandard2.0)) (&& (== net45) (>= net451)) (&& (== net45) (>= net452)) (&& (== net45) (>= netstandard2.0)) (== net451) (== net452) (== net461)
      NLog (>= 4.5.11) - restriction: || (&& (== net40) (>= net451)) (&& (== net40) (>= net452)) (&& (== net40) (>= netstandard2.0)) (&& (== net45) (>= net451)) (&& (== net45) (>= net452)) (&& (== net45) (>= netstandard2.0)) (== net451) (== net452) (== net461)
      System.ComponentModel.Annotations (>= 4.5) - restriction: || (&& (== net40) (>= net451)) (&& (== net40) (>= net452)) (&& (== net40) (>= netstandard2.0)) (&& (== net45) (>= net451)) (&& (== net45) (>= net452)) (&& (== net45) (>= netstandard2.0)) (== net451) (== net452) (== net461)
  remote: https://nexus.bars.group/repository/gkh/index.json
    Bars.Billing.Core (1.0.5538-dev)
      Bars.B4.Modules.Dapper (>= 1.9.732-dev)
      Bars.B4.Modules.Security (>= 1.10.1648.1650)
      Bars.B4.Web (>= 1.10.1648.1650)
      Bars.Security (>= 1.1.26-dev)
      raven-csharp (>= 1.0.2)
      raven-csharp-protocol20 (>= 1.0.2)
    Bars.KP60.Host (1.0.3-dev)
      Bars.B4.Modules.Dapper (>= 1.6.67520-dev)
      Bars.B4.Modules.NH (>= 1.6.67520-dev)
      Bars.Billing.Core (>= 1.0.0-dev)
    Bars.KP60.Protocol (1.0.3-dev)
      Bars.Billing.Core (>= 1.0.5535-dev)
      Bars.KP60.Host (>= 1.0.2-dev)
      Bars.Security (>= 1.0.2011-dev)
    CryptoPro.Sharpei.ServiceModel (1.0.0-dev)
    Stimulsoft.Report.PostgreSQL (2015.1.1.1)
      Npgsql (>= 2.1.3)
      StimulReport.Base (>= 2015.1 < 2015.2)
  remote: https://nexus.bars.group/repository/paid/index.json
    Devexpress.Pivot (2.0.0.0)
    StimulReport.Base (2015.1.0.0)
    StimulReport.Web (2015.1.0.0)
      StimulReport.Base (>= 2015.1)
    Syncfusion.Compression.Base (8.403.0.10)
    Syncfusion.Core (8.403.0.10)
    Syncfusion.DocIO.Base (8.403.0.10)
      Syncfusion.Compression.Base (>= 8.403.0.10)
      Syncfusion.Core (>= 8.403.0.10)
    Syncfusion.XlsIO.Base (8.403.0.10)
      Syncfusion.Compression.Base (>= 8.403.0.10)
      Syncfusion.Core (>= 8.403.0.10)
  remote: https://nexus.bars.group/repository/gkh-common/index.json
    EcmaScript.NET (2.0.0)
      System.Reflection.Emit (>= 4.3) - restriction: || (&& (== net40) (>= net45)) (&& (== net40) (>= netstandard2.0)) (== net45) (== net451) (== net452) (== net461)
    EsiaNET.Identity (0.1.0.2)
      EsiaNET (>= 0.1.0.2)
      Microsoft.Owin.Security (>= 3.0.1)
  remote: https://api.nuget.org/v3/index.json
    Microsoft.AspNet.WebApi.Client (5.2.4)
      Newtonsoft.Json (>= 6.0.4) - restriction: || (&& (>= net40) (< netstandard2.0) (>= portable-net45+win8+wp8+wp81+wpa81)) (>= net45)
    System.IO (4.3) - restriction: || (&& (>= dnxcore50) (>= net40)) (&& (>= dnxcore50) (>= net46)) (&& (>= dnxcore50) (>= net461)) (&& (>= net40) (< net45) (>= netstandard1.3) (< netstandard1.4)) (&& (>= net40) (< net45) (>= netstandard1.4) (< netstandard1.6)) (&& (>= net40) (< net45) (>= netstandard1.6)) (&& (< net46) (>= net461) (< netstandard1.4)) (&& (< net46) (>= net461) (>= netstandard1.6)) (&& (< net46) (>= net461) (< netstandard1.6)) (>= net463)
    System.Net.Http (4.3.3)
      System.Security.Cryptography.X509Certificates (>= 4.3) - restriction: || (&& (>= dnxcore50) (>= net40)) (&& (>= net40) (< net45) (>= netstandard1.3) (< netstandard1.6)) (&& (>= net40) (< net45) (>= netstandard1.6)) (>= net46)
    System.Net.Http.Formatting (4.0.20505)
      Microsoft.AspNet.WebApi.Client (>= 2.0.20505)
    System.Net.Http.Formatting.Extension (5.2.3)
      System.Net.Http
    System.Runtime (4.3) - restriction: || (&& (>= dnxcore50) (>= net40)) (&& (>= dnxcore50) (>= net46)) (&& (>= dnxcore50) (>= net461)) (&& (>= net40) (< net45) (>= netstandard1.3) (< netstandard1.4)) (&& (>= net40) (< net45) (>= netstandard1.4) (< netstandard1.6)) (&& (>= net40) (< net45) (>= netstandard1.6)) (&& (< net46) (>= net461) (< netstandard1.4)) (&& (< net46) (>= net461) (>= netstandard1.6)) (&& (< net46) (>= net461) (< netstandard1.6)) (>= net463)
    System.Security.Cryptography.Algorithms (4.3.1) - restriction: || (&& (>= dnxcore50) (>= net40)) (&& (>= dnxcore50) (>= net46)) (&& (>= net40) (< net45) (>= netstandard1.3) (< netstandard1.4)) (&& (>= net40) (< net45) (>= netstandard1.4) (< netstandard1.6)) (&& (>= net40) (< net45) (>= netstandard1.6)) (&& (>= net46) (< netstandard1.4)) (>= net461)
      System.IO (>= 4.3) - restriction: || (&& (>= dnxcore50) (>= net40)) (&& (>= net40) (< net46) (>= netstandard1.3) (< netstandard1.4)) (&& (>= net40) (< net46) (>= netstandard1.4) (< netstandard1.6)) (&& (>= net40) (< net46) (>= netstandard1.6)) (>= net463)
      System.Runtime (>= 4.3) - restriction: || (&& (>= dnxcore50) (>= net40)) (&& (>= net40) (< net46) (>= netstandard1.3) (< netstandard1.4)) (&& (>= net40) (< net46) (>= netstandard1.4) (< netstandard1.6)) (&& (>= net40) (< net46) (>= netstandard1.6)) (>= net463)
      System.Security.Cryptography.Encoding (>= 4.3) - restriction: || (&& (>= dnxcore50) (>= net40)) (&& (>= net40) (< net46) (>= netstandard1.6)) (>= net463)
      System.Security.Cryptography.Primitives (>= 4.3) - restriction: || (&& (>= dnxcore50) (>= net40)) (&& (>= net40) (< net46) (>= netstandard1.3) (< netstandard1.4)) (&& (>= net40) (< net46) (>= netstandard1.4) (< netstandard1.6)) (&& (>= net40) (< net46) (>= netstandard1.6)) (&& (>= net46) (< netstandard1.4)) (&& (>= net461) (< netstandard1.6)) (>= net463)
    System.Security.Cryptography.Encoding (4.3) - restriction: || (&& (>= dnxcore50) (>= net40)) (&& (>= dnxcore50) (>= net46)) (&& (>= net40) (< net45) (>= netstandard1.3) (< netstandard1.4)) (&& (>= net40) (< net45) (>= netstandard1.4) (< netstandard1.6)) (&& (>= net40) (< net45) (>= netstandard1.6)) (&& (>= net46) (< netstandard1.4)) (>= net461)
    System.Security.Cryptography.Primitives (4.3) - restriction: || (&& (>= dnxcore50) (>= net40)) (&& (>= dnxcore50) (>= net46)) (&& (>= dnxcore50) (>= net461)) (&& (>= net40) (< net45) (>= netstandard1.3) (< netstandard1.4)) (&& (>= net40) (< net45) (>= netstandard1.4) (< netstandard1.6)) (&& (>= net40) (< net45) (>= netstandard1.6)) (&& (>= net46) (< netstandard1.4)) (&& (< net46) (>= net461) (>= netstandard1.6)) (&& (>= net461) (< netstandard1.4)) (&& (>= net461) (< netstandard1.6)) (>= net463)
    System.Security.Cryptography.X509Certificates (4.3.2) - restriction: || (&& (>= dnxcore50) (>= net40)) (&& (>= net40) (< net45) (>= netstandard1.3) (< netstandard1.6)) (&& (>= net40) (< net45) (>= netstandard1.6)) (>= net46)
      System.Security.Cryptography.Algorithms (>= 4.3) - restriction: || (&& (>= dnxcore50) (>= net40)) (&& (>= net40) (< net46) (>= netstandard1.3) (< netstandard1.4)) (&& (>= net40) (< net46) (>= netstandard1.4) (< netstandard1.6)) (&& (>= net40) (< net46) (>= netstandard1.6)) (&& (>= net46) (< netstandard1.4)) (>= net461)
      System.Security.Cryptography.Encoding (>= 4.3) - restriction: || (&& (>= dnxcore50) (>= net40)) (&& (>= net40) (< net46) (>= netstandard1.3) (< netstandard1.4)) (&& (>= net40) (< net46) (>= netstandard1.4) (< netstandard1.6)) (&& (>= net40) (< net46) (>= netstandard1.6)) (&& (>= net46) (< netstandard1.4)) (>= net461)
