REDIRECTS: ON
COPY-LOCAL: FALSE
CONTENT: NONE
FRAMEWORK: >= NET40
NUGET
  remote: https://barsgroup.myget.org/F/common/auth/3ef5eaa4-6139-4997-ad92-71947dcc67c0
  specs:
    Antlr (3.5.0.2)
    AutoMapper (3.3.0)
    B4.Ecm7Migrator-Core (1.0.3.6)
    B4.Ecm7Migrator-Migrator (1.0.3.6)
      B4.Ecm7Migrator-Core (>= 1.0.3.1)
    B4.Ecm7Migrator-Oracle (1.0.3.5)
      B4.Ecm7Migrator-Core (>= 1.0.3.5)
    B4.Ecm7Migrator-PostgreSQL (1.0.3.5)
      B4.Ecm7Migrator-Core (>= 1.0.3.5)
      Npgsql (>= 2.1.2)
    CommandLineParser (1.9.71)
    Common.Logging (3.3.0)
      Common.Logging.Core (>= 3.3)
    Common.Logging.Core (3.3.0)
    CsvHelper (2.11.1.1)
    Dapper (1.42)
    DapperExtensions (1.4.3)
      Dapper (>= 1.12)
    DotNetZip (1.9.3)
    EasyNetQ.Management.Client (0.40.3.355)
      Newtonsoft.Json (>= 6.0.8)
    FastDBF (1.0.0)
    fasterflect (2.1.3)
    FastMember (1.0.0.11)
    FluentAssertions (3.3.0)
    jQuery (3.1.0)
    Microsoft.AspNet.SignalR (2.2.1)
      Microsoft.AspNet.SignalR.JS (>= 2.2.1)
      Microsoft.AspNet.SignalR.SystemWeb (>= 2.2.1)
    Microsoft.AspNet.SignalR.Core (2.2.1)
      Microsoft.Owin (>= 2.1)
      Microsoft.Owin.Security (>= 2.1)
      Newtonsoft.Json (>= 6.0.4)
      Owin (>= 1.0)
    Microsoft.AspNet.SignalR.JS (2.2.1)
      jQuery (>= 1.6.4)
    Microsoft.AspNet.SignalR.SystemWeb (2.2.1)
      Microsoft.AspNet.SignalR.Core (>= 2.2.1)
      Microsoft.Owin.Host.SystemWeb (>= 2.1)
    Microsoft.Owin (3.0.1)
      Owin (>= 1.0)
    Microsoft.Owin.Host.SystemWeb (3.0.1)
      Microsoft.Owin (>= 3.0.1)
      Owin (>= 1.0)
    Microsoft.Owin.Security (3.0.1)
      Microsoft.Owin (>= 3.0.1)
      Owin (>= 1.0)
    Microsoft.Tpl.Dataflow (4.5.24)
    Moq (4.2.1506.2016)
    MSBuild.Microsoft.VisualStudio.Web.targets (14.0.0)
    Mvc3-Base (3.0.50813.1)
    ncalc (1.3.8)
    NDbfReaderEx (1.1.0.0)
    Newtonsoft.Json (9.0.1)
    NHibernate (4.0.4.4000)
      Iesi.Collections (>= 4.0 < 5.0)
    NLog (4.2.3)
    NLog.Targets.Sentry (1.2.0.0)
      NLog (>= 3.2)
      SharpRaven (>= 1.4.3)
    Npgsql (2.2.3)
    NuGet.CommandLine (2.5.0)
    NUnit (2.6.4)
    nunrar (1.0.1)
    Owin (1.0)
    Quartz (2.3.1)
      Common.Logging (>= 3.0)
    QuickGraph (3.6.61119.7)
    RabbitMQ.Client (3.3.0)
    raven-csharp (1.0.2)
      Newtonsoft.Json (>= 4.5)
    raven-csharp-protocol20 (1.0.2)
      Newtonsoft.Json (>= 4.5)
    ServiceStack.Common (3.9.71)
      ServiceStack.Text (>= 3.0 < 4.0)
    ServiceStack.Redis (3.9.71)
      ServiceStack.Common (>= 3.0 < 4.0)
    ServiceStack.Text (3.9.71)
    SharpRaven (1.4.3)
      Newtonsoft.Json (>= 6.0.6)
    SharpZipLib (0.86.0)
    SlowCheetah (2.5.15)
    SpecFlow (1.9.2.3)
    SpecFlow.NUnit (1.1.1)
      NUnit (>= 2.6)
      SpecFlow
    System.Linq.Dynamic (1.0.2)
    xunit (2.0.0)
      xunit.assert (2.0)
      xunit.core (2.0)
    xunit.abstractions (2.0.0)
    xunit.assert (2.0.0)
    xunit.core (2.0.0)
      xunit.extensibility.core (2.0)
    xunit.extensibility.core (2.0.0)
      xunit.abstractions (2.0)
  remote: https://barsgroup.myget.org/F/b4/auth/3ef5eaa4-6139-4997-ad92-71947dcc67c0
  specs:
    Bars.B4.Core (3.1.11964)
      Antlr
      Bars.B4.Utils (>= 3.1.11964 < 4.0)
      Castle.Core (>= 3.3.3)
      Castle.WcfIntegrationFacility (>= 3.3)
      Castle.Windsor (>= 3.3)
      elmah.corelibrary (>= 1.2.2)
      fasterflect
      Newtonsoft.Json (>= 6.0.8)
      NLog (>= 3.2.1)
    Bars.B4.Icons (3.1.11942)
      Bars.B4.Core (>= 3.1.11942 < 4.0)
      Bars.B4.Utils (>= 3.1.11942 < 4.0)
      Bars.B4.Utils.Web (>= 3.1.11942 < 4.0)
      Bars.B4.Web (>= 3.1.11942 < 4.0)
      Castle.Core (>= 3.3.3)
      Castle.WcfIntegrationFacility (>= 3.3)
      Castle.Windsor (>= 3.3)
      EcmaScript.Net (>= 1.0.1)
      elmah.corelibrary (>= 1.2.2)
      Mvc3-Base (>= 3.0.20106)
      Newtonsoft.Json (>= 6.0.8)
      NLog (>= 3.2.1)
      YUICompressor.NET (>= 2.7)
    Bars.B4.Modules.Audit (3.1.11942)
      Bars.B4.Core (>= 3.1.11942 < 4.0)
      Bars.B4.Icons (>= 3.1.11942 < 4.0)
      Bars.B4.Modules.Ecm7.Framework (>= 2.0 < 3.0)
      Bars.B4.Modules.ExtJs (>= 3.1.11942 < 4.0)
      Bars.B4.Modules.NH (>= 3.1.11942 < 4.0)
      Bars.B4.Modules.Quartz (>= 3.1.11942 < 4.0)
      Bars.B4.Utils (>= 3.1.11942 < 4.0)
      Bars.B4.Utils.Web (>= 3.1.11942 < 4.0)
      Bars.B4.Web (>= 3.1.11942 < 4.0)
      Castle.Core (>= 3.3.3)
      Castle.WcfIntegrationFacility (>= 3.3)
      Castle.Windsor (>= 3.3)
      EcmaScript.Net (>= 1.0.1)
      elmah.corelibrary (>= 1.2.2)
      Iesi.Collections (>= 4.0.1.4000)
      Mvc3-Base (>= 3.0.20106)
      Newtonsoft.Json (>= 6.0.8)
      NHibernate (>= 4.0.3.4000)
      NLog (>= 3.2.1)
      Quartz (>= 2.3.1)
      YUICompressor.NET (>= 2.7)
    Bars.B4.Modules.Caching (3.1.11942)
      AutoMapper (>= 3.3 < 4.0)
      Bars.B4.Core (>= 3.1.11942 < 4.0)
      Bars.B4.Modules.NH (>= 3.1.11942 < 4.0)
      Bars.B4.Modules.Quartz (>= 3.1.11942 < 4.0)
      Bars.B4.Utils (>= 3.1.11942 < 4.0)
      Castle.Core (>= 3.3.3)
      Castle.WcfIntegrationFacility (>= 3.3)
      Castle.Windsor (>= 3.3)
      elmah.corelibrary (>= 1.2.2)
      FastMember (>= 1.0.0.11)
      Iesi.Collections (>= 4.0.1.4000)
      Newtonsoft.Json (>= 6.0.8)
      NHibernate (>= 4.0.3.4000)
      NLog (>= 3.2.1)
      Quartz (>= 2.3.1)
    Bars.B4.Modules.Caching.Redis (3.1.11942)
      Bars.B4.Core (>= 3.1.11942 < 4.0)
      Bars.B4.Modules.Caching (>= 3.1.11942 < 4.0)
      Bars.B4.Modules.NH (>= 3.1.11942 < 4.0)
      Bars.B4.Utils (>= 3.1.11942 < 4.0)
      Castle.Core (>= 3.3.3)
      Castle.WcfIntegrationFacility (>= 3.3)
      Castle.Windsor (>= 3.3)
      elmah.corelibrary (>= 1.2.2)
      Iesi.Collections (>= 4.0.1.4000)
      Newtonsoft.Json (>= 6.0.8)
      NHibernate (>= 4.0.3.4000)
      NLog (>= 3.2.1)
      ServiceStack.Common (>= 3.9.71)
      ServiceStack.Redis (>= 3.9.71)
      ServiceStack.Text (>= 3.9.71)
    Bars.B4.Modules.CodeMirror (3.1.11942)
      Bars.B4.Core (>= 3.1.11942 < 4.0)
      Bars.B4.Modules.ExtJs (>= 3.1.11942 < 4.0)
      Bars.B4.Utils (>= 3.1.11942 < 4.0)
      Bars.B4.Utils.Web (>= 3.1.11942 < 4.0)
      Bars.B4.Web (>= 3.1.11942 < 4.0)
      Castle.Core (>= 3.3.3)
      Castle.WcfIntegrationFacility (>= 3.3)
      Castle.Windsor (>= 3.3)
      EcmaScript.Net (>= 1.0.1)
      elmah.corelibrary (>= 1.2.2)
      Mvc3-Base (>= 3.0.20106)
      Newtonsoft.Json (>= 6.0.8)
      NLog (>= 3.2.1)
      YUICompressor.NET (>= 2.7)
    Bars.B4.Modules.Console (3.1.11942)
      Bars.B4.Core (>= 3.1.11942 < 4.0)
      Bars.B4.Utils (>= 3.1.11942 < 4.0)
      Castle.Core (>= 3.3.3)
      Castle.Windsor (>= 3.3)
      CommandLineParser (>= 1.9.71)
      NLog (>= 3.2.1)
    Bars.B4.Modules.Dapper (3.1.11964)
      Bars.B4.Core (>= 3.1.11964 < 4.0)
      Bars.B4.Utils (>= 3.1.11964 < 4.0)
      Castle.Core (>= 3.3.3)
      Castle.WcfIntegrationFacility (>= 3.3)
      Castle.Windsor (>= 3.3)
      Dapper (>= 1.39)
      DapperExtensions (>= 1.4.3)
      elmah.corelibrary (>= 1.2.2)
      Newtonsoft.Json (>= 6.0.8)
      NLog (>= 3.2.1)
      Npgsql (>= 2.1.3)
    Bars.B4.Modules.DataExport (3.1.11942)
      Bars.B4.Core (>= 3.1.11942 < 4.0)
      Bars.B4.Icons (>= 3.1.11942 < 4.0)
      Bars.B4.Modules.ExtJs (>= 3.1.11942 < 4.0)
      Bars.B4.Modules.Reports (>= 3.1.11942 < 4.0)
      Bars.B4.Utils (>= 3.1.11942 < 4.0)
      Bars.B4.Utils.Web (>= 3.1.11942 < 4.0)
      Bars.B4.Web (>= 3.1.11942 < 4.0)
      Castle.Core (>= 3.3.3)
      Castle.WcfIntegrationFacility (>= 3.3)
      Castle.Windsor (>= 3.3)
      EcmaScript.Net (>= 1.0.1)
      elmah.corelibrary (>= 1.2.2)
      Mvc3-Base (>= 3.0.20106)
      Newtonsoft.Json (>= 6.0.8)
      NLog (>= 3.2.1)
      YUICompressor.NET (>= 2.7)
    Bars.B4.Modules.Desktop (3.1.11942)
      Bars.B4.Core (>= 3.1.11942 < 4.0)
      Bars.B4.Modules.ExtJs (>= 3.1.11942 < 4.0)
      Bars.B4.Utils (>= 3.1.11942 < 4.0)
      Bars.B4.Utils.Web (>= 3.1.11942 < 4.0)
      Bars.B4.Web (>= 3.1.11942 < 4.0)
      Castle.Core (>= 3.3.3)
      Castle.WcfIntegrationFacility (>= 3.3)
      Castle.Windsor (>= 3.3)
      EcmaScript.Net (>= 1.0.1)
      elmah.corelibrary (>= 1.2.2)
      Mvc3-Base (>= 3.0.20106)
      Newtonsoft.Json (>= 6.0.8)
      NLog (>= 3.2.1)
      YUICompressor.NET (>= 2.7)
    Bars.B4.Modules.ECM7 (3.1.11942)
      Bars.B4.Core (>= 3.1.11942 < 4.0)
      Bars.B4.Modules.Ecm7.Framework (>= 2.0 < 3.0)
      Bars.B4.Modules.Ecm7.Migrator (>= 2.0 < 3.0)
      Bars.B4.Modules.NH (>= 3.1.11942 < 4.0)
      Bars.B4.Utils (>= 3.1.11942 < 4.0)
      Bars.B4.Utils.Web (>= 3.1.11942 < 4.0)
      Bars.B4.Web (>= 3.1.11942 < 4.0)
      Castle.Core (>= 3.3.3)
      Castle.WcfIntegrationFacility (>= 3.3)
      Castle.Windsor (>= 3.3)
      EcmaScript.Net (>= 1.0.1)
      elmah.corelibrary (>= 1.2.2)
      Iesi.Collections (>= 4.0.1.4000)
      Mvc3-Base (>= 3.0.20106)
      Newtonsoft.Json (>= 6.0.8)
      NHibernate (>= 4.0.3.4000)
      NLog (>= 3.2.1)
    Bars.B4.Modules.Ecm7.Framework (2.0.309)
      NLog
    Bars.B4.Modules.Ecm7.Migrator (2.0.309)
      Bars.B4.Modules.Ecm7.Framework (>= 2.0.309)
      NLog
    Bars.B4.Modules.Ecm7.Providers.Oracle.Base (2.0.309)
      Bars.B4.Modules.Ecm7.Framework (>= 2.0.309)
      Bars.B4.Modules.Ecm7.Migrator (>= 2.0.309)
      NLog
    Bars.B4.Modules.Ecm7.Providers.Oracle.System (2.0.309)
      Bars.B4.Modules.Ecm7.Framework (>= 2.0.309)
      Bars.B4.Modules.Ecm7.Migrator (>= 2.0.309)
      Bars.B4.Modules.Ecm7.Providers.Oracle.Base (>= 2.0.309)
    Bars.B4.Modules.Ecm7.Providers.PostgreSQL (2.0.309)
      Bars.B4.Modules.Ecm7.Framework (>= 2.0.309)
      Bars.B4.Modules.Ecm7.Migrator (>= 2.0.309)
      NLog
      Npgsql
    Bars.B4.Modules.ESIA (3.1.11942)
      Bars.B4.Core (>= 3.1.11942 < 4.0)
      Bars.B4.Utils (>= 3.1.11942 < 4.0)
      Castle.Core (>= 3.3.3)
      Castle.WcfIntegrationFacility (>= 3.3)
      Castle.Windsor (>= 3.3)
      elmah.corelibrary (>= 1.2.2)
      Newtonsoft.Json (>= 6.0.8)
      NLog (>= 3.2.1)
    Bars.B4.Modules.ExtJs (3.1.11942)
      Bars.B4.Core (>= 3.1.11942 < 4.0)
      Bars.B4.Icons (>= 3.1.11942 < 4.0)
      Bars.B4.Modules.JSDeferred (>= 3.1.11942 < 4.0)
      Bars.B4.Utils (>= 3.1.11942 < 4.0)
      Bars.B4.Utils.Web (>= 3.1.11942 < 4.0)
      Bars.B4.Web (>= 3.1.11942 < 4.0)
      Castle.Core (>= 3.3.3)
      Castle.WcfIntegrationFacility (>= 3.3)
      Castle.Windsor (>= 3.3)
      EcmaScript.Net (>= 1.0.1)
      elmah.corelibrary (>= 1.2.2)
      Mvc3-Base (>= 3.0.20106)
      Newtonsoft.Json (>= 6.0.8)
      NLog (>= 3.2.1)
      YUICompressor.NET (>= 2.7)
    Bars.B4.Modules.ExtJs3 (3.1.11942)
      Bars.B4.Core (>= 3.1.11942 < 4.0)
      Bars.B4.Icons (>= 3.1.11942 < 4.0)
      Bars.B4.Modules.JSDeferred (>= 3.1.11942 < 4.0)
      Bars.B4.Modules.RequireJS (>= 3.1.11942 < 4.0)
      Bars.B4.Utils (>= 3.1.11942 < 4.0)
      Bars.B4.Utils.Web (>= 3.1.11942 < 4.0)
      Bars.B4.Web (>= 3.1.11942 < 4.0)
      Castle.Core (>= 3.3.3)
      Castle.WcfIntegrationFacility (>= 3.3)
      Castle.Windsor (>= 3.3)
      EcmaScript.Net (>= 1.0.1)
      elmah.corelibrary (>= 1.2.2)
      Mvc3-Base (>= 3.0.20106)
      Newtonsoft.Json (>= 6.0.8)
      NLog (>= 3.2.1)
      YUICompressor.NET (>= 2.7)
    Bars.B4.Modules.FIAS (3.1.11942)
      Bars.B4.Core (>= 3.1.11942 < 4.0)
      Bars.B4.Icons (>= 3.1.11942 < 4.0)
      Bars.B4.Modules.Ecm7.Framework (>= 2.0 < 3.0)
      Bars.B4.Modules.ExtJs (>= 3.1.11942 < 4.0)
      Bars.B4.Modules.NH (>= 3.1.11942 < 4.0)
      Bars.B4.Modules.NH.Migrations (>= 3.1.11942 < 4.0)
      Bars.B4.Utils (>= 3.1.11942 < 4.0)
      Bars.B4.Utils.Web (>= 3.1.11942 < 4.0)
      Bars.B4.Web (>= 3.1.11942 < 4.0)
      Castle.Core (>= 3.3.3)
      Castle.WcfIntegrationFacility (>= 3.3)
      Castle.Windsor (>= 3.3)
      EcmaScript.Net (>= 1.0.1)
      elmah.corelibrary (>= 1.2.2)
      Iesi.Collections (>= 4.0.1.4000)
      Mvc3-Base (>= 3.0.20106)
      Newtonsoft.Json (>= 6.0.8)
      NHibernate (>= 4.0.3.4000)
      NLog (>= 3.2.1)
      YUICompressor.NET (>= 2.7)
    Bars.B4.Modules.FileStorage (3.1.11942)
      Bars.B4.Core (>= 3.1.11942 < 4.0)
      Bars.B4.Modules.Ecm7.Framework (>= 2.0 < 3.0)
      Bars.B4.Modules.NH (>= 3.1.11942 < 4.0)
      Bars.B4.Modules.NH.Migrations (>= 3.1.11942 < 4.0)
      Bars.B4.Modules.Security (>= 3.1.11942 < 4.0)
      Bars.B4.Utils (>= 3.1.11942 < 4.0)
      Bars.B4.Utils.Web (>= 3.1.11942 < 4.0)
      Bars.B4.Web (>= 3.1.11942 < 4.0)
      Castle.Core (>= 3.3.3)
      Castle.WcfIntegrationFacility (>= 3.3)
      Castle.Windsor (>= 3.3)
      EcmaScript.Net (>= 1.0.1)
      elmah.corelibrary (>= 1.2.2)
      Iesi.Collections (>= 4.0.1.4000)
      Mvc3-Base (>= 3.0.20106)
      Newtonsoft.Json (>= 6.0.8)
      NHibernate (>= 4.0.3.4000)
      NLog (>= 3.2.1)
      YUICompressor.NET (>= 2.7)
    Bars.B4.Modules.FileSystemStorage (3.1.11942)
      Bars.B4.Core (>= 3.1.11942 < 4.0)
      Bars.B4.Modules.Ecm7.Framework (>= 2.0 < 3.0)
      Bars.B4.Modules.FileStorage (>= 3.1.11942 < 4.0)
      Bars.B4.Modules.NH (>= 3.1.11942 < 4.0)
      Bars.B4.Modules.NH.Migrations (>= 3.1.11942 < 4.0)
      Bars.B4.Utils (>= 3.1.11942 < 4.0)
      Bars.B4.Utils.Web (>= 3.1.11942 < 4.0)
      Bars.B4.Web (>= 3.1.11942 < 4.0)
      Castle.Core (>= 3.3.3)
      Castle.WcfIntegrationFacility (>= 3.3)
      Castle.Windsor (>= 3.3)
      EcmaScript.Net (>= 1.0.1)
      elmah.corelibrary (>= 1.2.2)
      Iesi.Collections (>= 4.0.1.4000)
      Mvc3-Base (>= 3.0.20106)
      Newtonsoft.Json (>= 6.0.8)
      NHibernate (>= 4.0.3.4000)
      NLog (>= 3.2.1)
      YUICompressor.NET (>= 2.7)
    Bars.B4.Modules.jQuery (3.1.11942)
      Bars.B4.Core (>= 3.1.11942 < 4.0)
      Bars.B4.Utils (>= 3.1.11942 < 4.0)
      Bars.B4.Utils.Web (>= 3.1.11942 < 4.0)
      Bars.B4.Web (>= 3.1.11942 < 4.0)
      Castle.Core (>= 3.3.3)
      Castle.WcfIntegrationFacility (>= 3.3)
      Castle.Windsor (>= 3.3)
      EcmaScript.Net (>= 1.0.1)
      elmah.corelibrary (>= 1.2.2)
      Mvc3-Base (>= 3.0.20106)
      Newtonsoft.Json (>= 6.0.8)
      NLog (>= 3.2.1)
      YUICompressor.NET (>= 2.7)
    Bars.B4.Modules.JSDeferred (3.1.11942)
      Bars.B4.Core (>= 3.1.11942 < 4.0)
      Bars.B4.Modules.RequireJS (>= 3.1.11942 < 4.0)
      Bars.B4.Utils (>= 3.1.11942 < 4.0)
      Bars.B4.Web (>= 3.1.11942 < 4.0)
      Castle.Core (>= 3.3.3)
      Castle.Windsor (>= 3.3)
      Mvc3-Base (>= 3.0.20106)
      Newtonsoft.Json (>= 6.0.8)
    Bars.B4.Modules.LicenseProvider (3.1.11942)
      Bars.B4.Core (>= 3.1.11942 < 4.0)
      Bars.B4.Modules.Ecm7.Framework (>= 2.0 < 3.0)
      Bars.B4.Modules.Mapping (>= 3.1.11942 < 4.0)
      Bars.B4.Modules.NH (>= 3.1.11942 < 4.0)
      Bars.B4.Modules.NH.Migrations (>= 3.1.11942 < 4.0)
      Bars.B4.Modules.Security (>= 3.1.11942 < 4.0)
      Bars.B4.Modules.Security.Web (>= 3.1.11942 < 4.0)
      Bars.B4.Utils (>= 3.1.11942 < 4.0)
      Bars.B4.Utils.Web (>= 3.1.11942 < 4.0)
      Bars.B4.Web (>= 3.1.11942 < 4.0)
      Bars.Security
      Castle.Core (>= 3.3.3)
      Castle.WcfIntegrationFacility (>= 3.3)
      Castle.Windsor (>= 3.3)
      EcmaScript.Net (>= 1.0.1)
      elmah.corelibrary (>= 1.2.2)
      Iesi.Collections (>= 4.0.1.4000)
      Mvc3-Base (>= 3.0.20106)
      Newtonsoft.Json (>= 6.0.8)
      NHibernate (>= 4.0.3.4000)
      NLog (>= 3.2.1)
      YUICompressor.NET (>= 2.7)
    Bars.B4.Modules.MacroAccessManagement (3.1.11942)
      Bars.B4.Core (>= 3.1.11942 < 4.0)
      Bars.B4.Modules.Ecm7.Framework (>= 2.0 < 3.0)
      Bars.B4.Modules.NH (>= 3.1.11942 < 4.0)
      Bars.B4.Modules.NH.Migrations (>= 3.1.11942 < 4.0)
      Bars.B4.Utils (>= 3.1.11942 < 4.0)
      Bars.B4.Utils.Web (>= 3.1.11942 < 4.0)
      Bars.B4.Web (>= 3.1.11942 < 4.0)
      Castle.Core (>= 3.3.3)
      Castle.WcfIntegrationFacility (>= 3.3)
      Castle.Windsor (>= 3.3)
      EcmaScript.Net (>= 1.0.1)
      elmah.corelibrary (>= 1.2.2)
      Iesi.Collections (>= 4.0.1.4000)
      Mvc3-Base (>= 3.0.20106)
      Newtonsoft.Json (>= 6.0.8)
      NHibernate (>= 4.0.3.4000)
      NLog (>= 3.2.1)
      YUICompressor.NET (>= 2.7)
    Bars.B4.Modules.Mapping (3.1.11964)
      Bars.B4.Core (>= 3.1.11964 < 4.0)
      Bars.B4.Utils (>= 3.1.11964 < 4.0)
      Castle.Core (>= 3.3.3)
      Castle.WcfIntegrationFacility (>= 3.3)
      Castle.Windsor (>= 3.3)
      elmah.corelibrary (>= 1.2.2)
      Newtonsoft.Json (>= 6.0.8)
      NLog (>= 3.2.1)
    Bars.B4.Modules.Mapping.NHibernate (3.1.11942)
      Bars.B4.Core (>= 3.1.11942 < 4.0)
      Bars.B4.Modules.Mapping (>= 3.1.11942 < 4.0)
      Bars.B4.Modules.NH (>= 3.1.11942 < 4.0)
      Bars.B4.Utils (>= 3.1.11942 < 4.0)
      Castle.Core (>= 3.3.3)
      Castle.WcfIntegrationFacility (>= 3.3)
      Castle.Windsor (>= 3.3)
      elmah.corelibrary (>= 1.2.2)
      Iesi.Collections (>= 4.0.1.4000)
      Newtonsoft.Json (>= 6.0.8)
      NHibernate (>= 4.0.3.4000)
      NLog (>= 3.2.1)
    Bars.B4.Modules.Messenger (3.1.11942)
      Bars.B4.Core (>= 3.1.11942 < 4.0)
      Bars.B4.Modules.Ecm7.Framework (>= 2.0 < 3.0)
      Bars.B4.Modules.FileStorage (>= 3.1.11942 < 4.0)
      Bars.B4.Modules.Mapping (>= 3.1.11942 < 4.0)
      Bars.B4.Modules.NH (>= 3.1.11942 < 4.0)
      Bars.B4.Modules.NH.Migrations (>= 3.1.11942 < 4.0)
      Bars.B4.Modules.Security (>= 3.1.11942 < 4.0)
      Bars.B4.Modules.Security.Web (>= 3.1.11942 < 4.0)
      Bars.B4.Modules.UserProfile (>= 3.1.11942 < 4.0)
      Bars.B4.Utils (>= 3.1.11942 < 4.0)
      Bars.B4.Utils.Web (>= 3.1.11942 < 4.0)
      Bars.B4.Web (>= 3.1.11942 < 4.0)
      Bars.Security
      Castle.Core (>= 3.3.3)
      Castle.WcfIntegrationFacility (>= 3.3)
      Castle.Windsor (>= 3.3)
      EcmaScript.Net (>= 1.0.1)
      elmah.corelibrary (>= 1.2.2)
      Iesi.Collections (>= 4.0.1.4000)
      Mvc3-Base (>= 3.0.20106)
      Newtonsoft.Json (>= 6.0.8)
      NHibernate (>= 4.0.3.4000)
      NLog (>= 3.2.1)
      YUICompressor.NET (>= 2.7)
    Bars.B4.Modules.News (3.1.11942)
      Bars.B4.Core (>= 3.1.11942 < 4.0)
      Bars.B4.Icons (>= 3.1.11942 < 4.0)
      Bars.B4.Modules.Ecm7.Framework (>= 2.0 < 3.0)
      Bars.B4.Modules.ExtJs (>= 3.1.11942 < 4.0)
      Bars.B4.Modules.Mapping (>= 3.1.11942 < 4.0)
      Bars.B4.Modules.NH (>= 3.1.11942 < 4.0)
      Bars.B4.Modules.NH.Migrations (>= 3.1.11942 < 4.0)
      Bars.B4.Modules.Security (>= 3.1.11942 < 4.0)
      Bars.B4.Modules.Security.ExtJS4 (>= 3.1.11942 < 4.0)
      Bars.B4.Modules.Security.Web (>= 3.1.11942 < 4.0)
      Bars.B4.Utils (>= 3.1.11942 < 4.0)
      Bars.B4.Utils.Web (>= 3.1.11942 < 4.0)
      Bars.B4.Web (>= 3.1.11942 < 4.0)
      Bars.Security
      Castle.Core (>= 3.3.3)
      Castle.WcfIntegrationFacility (>= 3.3)
      Castle.Windsor (>= 3.3)
      EcmaScript.Net (>= 1.0.1)
      elmah.corelibrary (>= 1.2.2)
      Iesi.Collections (>= 4.0.1.4000)
      Mvc3-Base (>= 3.0.20106)
      Newtonsoft.Json (>= 6.0.8)
      NHibernate (>= 4.0.3.4000)
      NLog (>= 3.2.1)
      YUICompressor.NET (>= 2.7)
    Bars.B4.Modules.NH (3.1.11964)
      Bars.B4.Core (>= 3.1.11964 < 4.0)
      Bars.B4.Utils (>= 3.1.11964 < 4.0)
      Castle.Core (>= 3.3.3)
      Castle.WcfIntegrationFacility (>= 3.3)
      Castle.Windsor (>= 3.3)
      elmah.corelibrary (>= 1.2.2)
      Iesi.Collections (>= 4.0.1.4000)
      Newtonsoft.Json (>= 6.0.8)
      NHibernate (>= 4.0.3.4000)
      NLog (>= 3.2.1)
    Bars.B4.Modules.NH.Migrations (3.1.11964)
      Bars.B4.Core (>= 3.1.11964 < 4.0)
      Bars.B4.Modules.Ecm7.Framework (>= 2.0 < 3.0)
      Newtonsoft.Json (>= 6.0.8)
      NLog (>= 3.2.1)
    Bars.B4.Modules.NH.Postgres (3.1.11942)
      Bars.B4.Core (>= 3.1.11942 < 4.0)
      Bars.B4.Modules.NH (>= 3.1.11942 < 4.0)
      Bars.B4.Utils (>= 3.1.11942 < 4.0)
      Castle.Core (>= 3.3.3)
      Castle.WcfIntegrationFacility (>= 3.3)
      Castle.Windsor (>= 3.3)
      elmah.corelibrary (>= 1.2.2)
      Iesi.Collections (>= 4.0.1.4000)
      Newtonsoft.Json (>= 6.0.8)
      NHibernate (>= 4.0.3.4000)
      NLog (>= 3.2.1)
      Npgsql (>= 2.1.3)
    Bars.B4.Modules.NHibernateChangeLog (3.1.11942)
      Bars.B4.Core (>= 3.1.11942 < 4.0)
      Bars.B4.Modules.Ecm7.Framework (>= 2.0 < 3.0)
      Bars.B4.Modules.NH (>= 3.1.11942 < 4.0)
      Bars.B4.Modules.NH.Migrations (>= 3.1.11942 < 4.0)
      Bars.B4.Modules.Security (>= 3.1.11942 < 4.0)
      Bars.B4.Utils (>= 3.1.11942 < 4.0)
      Bars.Security
      Castle.Core (>= 3.3.3)
      Castle.Windsor (>= 3.3)
      Iesi.Collections (>= 4.0.1.4000)
      Mvc3-Base (>= 3.0.20106)
      Newtonsoft.Json (>= 6.0.8)
      NHibernate (>= 4.0.3.4000)
      NLog (>= 3.2.1)
    Bars.B4.Modules.NHibernateChangeLog.ExtJS4 (3.1.11942)
      Bars.B4.Core (>= 3.1.11942 < 4.0)
      Bars.B4.Icons (>= 3.1.11942 < 4.0)
      Bars.B4.Modules.Ecm7.Framework (>= 2.0 < 3.0)
      Bars.B4.Modules.ExtJs (>= 3.1.11942 < 4.0)
      Bars.B4.Modules.Mapping (>= 3.1.11942 < 4.0)
      Bars.B4.Modules.NH (>= 3.1.11942 < 4.0)
      Bars.B4.Modules.NH.Migrations (>= 3.1.11942 < 4.0)
      Bars.B4.Modules.NHibernateChangeLog (>= 3.1.11942 < 4.0)
      Bars.B4.Modules.Security (>= 3.1.11942 < 4.0)
      Bars.B4.Modules.Security.Web (>= 3.1.11942 < 4.0)
      Bars.B4.Utils (>= 3.1.11942 < 4.0)
      Bars.B4.Utils.Web (>= 3.1.11942 < 4.0)
      Bars.B4.Web (>= 3.1.11942 < 4.0)
      Bars.Security
      Castle.Core (>= 3.3.3)
      Castle.WcfIntegrationFacility (>= 3.3)
      Castle.Windsor (>= 3.3)
      EcmaScript.Net (>= 1.0.1)
      elmah.corelibrary (>= 1.2.2)
      Iesi.Collections (>= 4.0.1.4000)
      Mvc3-Base (>= 3.0.20106)
      Newtonsoft.Json (>= 6.0.8)
      NHibernate (>= 4.0.3.4000)
      NLog (>= 3.2.1)
      SharpRaven (>= 1.4.3)
      YUICompressor.NET (>= 2.7)
    Bars.B4.Modules.NlogLogger (3.1.11942)
      Bars.B4.Core (>= 3.1.11942 < 4.0)
      Bars.B4.Utils (>= 3.1.11942 < 4.0)
      Castle.Core (>= 3.3.3)
      Castle.WcfIntegrationFacility (>= 3.3)
      Castle.Windsor (>= 3.3)
      elmah.corelibrary (>= 1.2.2)
      Newtonsoft.Json (>= 6.0.8)
      NLog (>= 3.2.1)
    Bars.B4.Modules.Pivot (3.1.11942)
      Bars.B4.Core (>= 3.1.11942 < 4.0)
      Bars.B4.Utils (>= 3.1.11942 < 4.0)
      Castle.Core (>= 3.3.3)
      Castle.WcfIntegrationFacility (>= 3.3)
      Castle.Windsor (>= 3.3)
      elmah.corelibrary (>= 1.2.2)
      Newtonsoft.Json (>= 6.0.8)
      NLog (>= 3.2.1)
    Bars.B4.Modules.Pivot.DX (3.1.11942)
      Bars.B4.Core (>= 3.1.11942 < 4.0)
      Bars.B4.Modules.Pivot (>= 3.1.11942 < 4.0)
      Bars.B4.Utils (>= 3.1.11942 < 4.0)
      Bars.B4.Utils.Web (>= 3.1.11942 < 4.0)
      Bars.B4.Web (>= 3.1.11942 < 4.0)
      Castle.Core (>= 3.3.3)
      Castle.WcfIntegrationFacility (>= 3.3)
      Castle.Windsor (>= 3.3)
      Devexpress.Pivot (>= 2.0)
      EcmaScript.Net (>= 1.0.1)
      elmah.corelibrary (>= 1.2.2)
      Mvc3-Base (>= 3.0.20106)
      Newtonsoft.Json (>= 6.0.8)
      NLog (>= 3.2.1)
      YUICompressor.NET (>= 2.7)
    Bars.B4.Modules.Quartz (3.1.11942)
      Bars.B4.Core (>= 3.1.11942 < 4.0)
      Bars.B4.Utils (>= 3.1.11942 < 4.0)
      Castle.Core (>= 3.3.3)
      Castle.WcfIntegrationFacility (>= 3.3)
      Castle.Windsor (>= 3.3)
      elmah.corelibrary (>= 1.2.2)
      Newtonsoft.Json (>= 6.0.8)
      NLog (>= 3.2.1)
      Quartz (>= 2.3.1)
    Bars.B4.Modules.QueryDesigner (3.1.11942)
      AutoMapper (>= 3.3 < 4.0)
      Bars.B4.Core (>= 3.1.11942 < 4.0)
      Bars.B4.Modules.Ecm7.Framework (>= 2.0 < 3.0)
      Bars.B4.Modules.FileStorage (>= 3.1.11942 < 4.0)
      Bars.B4.Modules.MacroAccessManagement (>= 3.1.11942 < 4.0)
      Bars.B4.Modules.Mapping (>= 3.1.11942 < 4.0)
      Bars.B4.Modules.NH (>= 3.1.11942 < 4.0)
      Bars.B4.Modules.NH.Migrations (>= 3.1.11942 < 4.0)
      Bars.B4.Modules.Quartz (>= 3.1.11942 < 4.0)
      Bars.B4.Modules.Reports (>= 3.1.11942 < 4.0)
      Bars.B4.Modules.Security (>= 3.1.11942 < 4.0)
      Bars.B4.Utils (>= 3.1.11942 < 4.0)
      Bars.Security
      Castle.Core (>= 3.3.3)
      Castle.Windsor (>= 3.3)
      elmah.corelibrary (>= 1.2.2)
      Iesi.Collections (>= 4.0.1.4000)
      Newtonsoft.Json (>= 6.0.8)
      NHibernate (>= 4.0.3.4000)
      NLog (>= 3.2.1)
      Quartz (>= 2.3.1)
    Bars.B4.Modules.QueryDesigner.ExtJS4 (3.1.11942)
      Bars.B4.Core (>= 3.1.11942 < 4.0)
      Bars.B4.Icons (>= 3.1.11942 < 4.0)
      Bars.B4.Modules.CodeMirror (>= 3.1.11942 < 4.0)
      Bars.B4.Modules.Ecm7.Framework (>= 2.0 < 3.0)
      Bars.B4.Modules.ExtJs (>= 3.1.11942 < 4.0)
      Bars.B4.Modules.Mapping (>= 3.1.11942 < 4.0)
      Bars.B4.Modules.NH (>= 3.1.11942 < 4.0)
      Bars.B4.Modules.NH.Migrations (>= 3.1.11942 < 4.0)
      Bars.B4.Modules.QueryDesigner (>= 3.1.11942 < 4.0)
      Bars.B4.Modules.Reports (>= 3.1.11942 < 4.0)
      Bars.B4.Modules.Security (>= 3.1.11942 < 4.0)
      Bars.B4.Modules.Setup (>= 3.1.11942 < 4.0)
      Bars.B4.UI.ExtJs4 (>= 3.1.11942 < 4.0)
      Bars.B4.Utils (>= 3.1.11942 < 4.0)
      Bars.B4.Utils.Web (>= 3.1.11942 < 4.0)
      Bars.B4.Web (>= 3.1.11942 < 4.0)
      Bars.Security
      Castle.Core (>= 3.3.3)
      Castle.WcfIntegrationFacility (>= 3.3)
      Castle.Windsor (>= 3.3)
      EcmaScript.Net (>= 1.0.1)
      elmah.corelibrary (>= 1.2.2)
      Iesi.Collections (>= 4.0.1.4000)
      Mvc3-Base (>= 3.0.20106)
      Newtonsoft.Json (>= 6.0.8)
      NHibernate (>= 4.0.3.4000)
      NLog (>= 3.2.1)
      Quartz (>= 2.3.1)
      YUICompressor.NET (>= 2.7)
    Bars.B4.Modules.Queue (3.1.11942)
      Bars.B4.Core (>= 3.1.11942 < 4.0)
      Bars.B4.Utils (>= 3.1.11942 < 4.0)
      Castle.Core (>= 3.3.3)
      Castle.WcfIntegrationFacility (>= 3.3)
      Castle.Windsor (>= 3.3)
      elmah.corelibrary (>= 1.2.2)
      Newtonsoft.Json (>= 6.0.8)
      NLog (>= 3.2.1)
    Bars.B4.Modules.Queue.RabbitMQ (3.1.11942)
      Bars.B4.Core (>= 3.1.11942 < 4.0)
      Bars.B4.Modules.Queue (>= 3.1.11942 < 4.0)
      Bars.B4.Utils (>= 3.1.11942 < 4.0)
      Castle.Core (>= 3.3.3)
      Castle.WcfIntegrationFacility (>= 3.3)
      Castle.Windsor (>= 3.3)
      EasyNetQ.Management.Client (>= 0.40.3.355)
      elmah.corelibrary (>= 1.2.2)
      Newtonsoft.Json (>= 6.0.8)
      NLog (>= 3.2.1)
      RabbitMQ.Client (>= 3.3)
    Bars.B4.Modules.Queue.RabbitMQ.Web (3.1.11942)
      Bars.B4.Core (>= 3.1.11942 < 4.0)
      Bars.B4.Icons (>= 3.1.11942 < 4.0)
      Bars.B4.Modules.ExtJs (>= 3.1.11942 < 4.0)
      Bars.B4.Modules.Queue.RabbitMQ (>= 3.1.11942 < 4.0)
      Bars.B4.Utils (>= 3.1.11942 < 4.0)
      Bars.B4.Utils.Web (>= 3.1.11942 < 4.0)
      Bars.B4.Web (>= 3.1.11942 < 4.0)
      Castle.Core (>= 3.3.3)
      Castle.WcfIntegrationFacility (>= 3.3)
      Castle.Windsor (>= 3.3)
      EasyNetQ.Management.Client (>= 0.40.3.355)
      EcmaScript.Net (>= 1.0.1)
      elmah.corelibrary (>= 1.2.2)
      Mvc3-Base (>= 3.0.20106)
      Newtonsoft.Json (>= 6.0.8)
      NLog (>= 3.2.1)
      YUICompressor.NET (>= 2.7)
    Bars.B4.Modules.ReportDesigner (3.1.11942)
      Bars.B4.Core (>= 3.1.11942 < 4.0)
      Bars.B4.Icons (>= 3.1.11942 < 4.0)
      Bars.B4.Modules.Ecm7.Framework (>= 2.0 < 3.0)
      Bars.B4.Modules.ExtJs (>= 3.1.11942 < 4.0)
      Bars.B4.Modules.FileStorage (>= 3.1.11942 < 4.0)
      Bars.B4.Modules.Mapping (>= 3.1.11942 < 4.0)
      Bars.B4.Modules.NH (>= 3.1.11942 < 4.0)
      Bars.B4.Modules.NH.Migrations (>= 3.1.11942 < 4.0)
      Bars.B4.Modules.QueryDesigner (>= 3.1.11942 < 4.0)
      Bars.B4.Modules.ReportPanel (>= 3.1.11942 < 4.0)
      Bars.B4.Modules.Reports (>= 3.1.11942 < 4.0)
      Bars.B4.Modules.Security (>= 3.1.11942 < 4.0)
      Bars.B4.Modules.Security.ExtJS4 (>= 3.1.11942 < 4.0)
      Bars.B4.Modules.Security.Web (>= 3.1.11942 < 4.0)
      Bars.B4.Utils (>= 3.1.11942 < 4.0)
      Bars.B4.Utils.Web (>= 3.1.11942 < 4.0)
      Bars.B4.Web (>= 3.1.11942 < 4.0)
      Bars.Security
      Castle.Core (>= 3.3.3)
      Castle.WcfIntegrationFacility (>= 3.3)
      Castle.Windsor (>= 3.3)
      EcmaScript.Net (>= 1.0.1)
      elmah.corelibrary (>= 1.2.2)
      Iesi.Collections (>= 4.0.1.4000)
      Mvc3-Base (>= 3.0.20106)
      Newtonsoft.Json (>= 6.0.8)
      NHibernate (>= 4.0.3.4000)
      NLog (>= 3.2.1)
      StimulReport.Base (2015.1)
      StimulReport.Web (2015.1)
      YUICompressor.NET (>= 2.7)
    Bars.B4.Modules.ReportPanel (3.1.11942)
      Bars.B4.Core (>= 3.1.11942 < 4.0)
      Bars.B4.Icons (>= 3.1.11942 < 4.0)
      Bars.B4.Modules.Ecm7.Framework (>= 2.0 < 3.0)
      Bars.B4.Modules.ExtJs (>= 3.1.11942 < 4.0)
      Bars.B4.Modules.FileStorage (>= 3.1.11942 < 4.0)
      Bars.B4.Modules.NH (>= 3.1.11942 < 4.0)
      Bars.B4.Modules.Pivot (>= 3.1.11942 < 4.0)
      Bars.B4.Modules.Reports (>= 3.1.11942 < 4.0)
      Bars.B4.Modules.TaskManager.Contracts (>= 3.1.11942 < 4.0)
      Bars.B4.Utils (>= 3.1.11942 < 4.0)
      Bars.B4.Utils.Web (>= 3.1.11942 < 4.0)
      Bars.B4.Web (>= 3.1.11942 < 4.0)
      Castle.Core (>= 3.3.3)
      Castle.WcfIntegrationFacility (>= 3.3)
      Castle.Windsor (>= 3.3)
      EcmaScript.Net (>= 1.0.1)
      elmah.corelibrary (>= 1.2.2)
      Iesi.Collections (>= 4.0.1.4000)
      Mvc3-Base (>= 3.0.20106)
      Newtonsoft.Json (>= 6.0.8)
      NHibernate (>= 4.0.3.4000)
      NLog (>= 3.2.1)
      StimulReport.Base (2015.1)
      YUICompressor.NET (>= 2.7)
    Bars.B4.Modules.Reports (3.1.11942)
      Bars.B4.Core (>= 3.1.11942 < 4.0)
      Bars.B4.Utils (>= 3.1.11942 < 4.0)
      Bars.B4.Utils.Web (>= 3.1.11942 < 4.0)
      Bars.B4.Web (>= 3.1.11942 < 4.0)
      Castle.Core (>= 3.3.3)
      Castle.WcfIntegrationFacility (>= 3.3)
      Castle.Windsor (>= 3.3)
      EcmaScript.Net (>= 1.0.1)
      elmah.corelibrary (>= 1.2.2)
      Mvc3-Base (>= 3.0.20106)
      Newtonsoft.Json (>= 6.0.8)
      NLog (>= 3.2.1)
      YUICompressor.NET (>= 2.7)
    Bars.B4.Modules.RequireJS (3.1.11942)
      Bars.B4.Core (>= 3.1.11942 < 4.0)
      Bars.B4.Utils (>= 3.1.11942 < 4.0)
      Bars.B4.Web (>= 3.1.11942 < 4.0)
      Castle.Core (>= 3.3.3)
      Castle.Windsor (>= 3.3)
      Mvc3-Base (>= 3.0.20106)
      Newtonsoft.Json (>= 6.0.8)
    Bars.B4.Modules.Security (3.1.11964)
      Bars.B4.Core (>= 3.1.11964 < 4.0)
      Bars.B4.Modules.Ecm7.Framework (>= 2.0 < 3.0)
      Bars.B4.Modules.Mapping (>= 3.1.11964 < 4.0)
      Bars.B4.Modules.NH (>= 3.1.11964 < 4.0)
      Bars.B4.Modules.NH.Migrations (>= 3.1.11964 < 4.0)
      Bars.B4.Utils (>= 3.1.11964 < 4.0)
      Bars.B4.Utils.Web (>= 3.1.11964 < 4.0)
      Bars.Security
      Castle.Core (>= 3.3.3)
      Castle.WcfIntegrationFacility (>= 3.3)
      Castle.Windsor (>= 3.3)
      EcmaScript.Net (>= 1.0.1)
      elmah.corelibrary (>= 1.2.2)
      Iesi.Collections (>= 4.0.1.4000)
      Mvc3-Base (>= 3.0.20106)
      Newtonsoft.Json (>= 6.0.8)
      NHibernate (>= 4.0.3.4000)
      NLog (>= 3.2.1)
    Bars.B4.Modules.Security.ExtJS4 (3.1.11942)
      Bars.B4.Core (>= 3.1.11942 < 4.0)
      Bars.B4.Icons (>= 3.1.11942 < 4.0)
      Bars.B4.Modules.Ecm7.Framework (>= 2.0 < 3.0)
      Bars.B4.Modules.ExtJs (>= 3.1.11942 < 4.0)
      Bars.B4.Modules.Mapping (>= 3.1.11942 < 4.0)
      Bars.B4.Modules.NH (>= 3.1.11942 < 4.0)
      Bars.B4.Modules.NH.Migrations (>= 3.1.11942 < 4.0)
      Bars.B4.Modules.Security (>= 3.1.11942 < 4.0)
      Bars.B4.Modules.Security.Web (>= 3.1.11942 < 4.0)
      Bars.B4.Modules.Setup (>= 3.1.11942 < 4.0)
      Bars.B4.Utils (>= 3.1.11942 < 4.0)
      Bars.B4.Utils.Web (>= 3.1.11942 < 4.0)
      Bars.B4.Web (>= 3.1.11942 < 4.0)
      Bars.Security
      Castle.Core (>= 3.3.3)
      Castle.WcfIntegrationFacility (>= 3.3)
      Castle.Windsor (>= 3.3)
      EcmaScript.Net (>= 1.0.1)
      elmah.corelibrary (>= 1.2.2)
      Iesi.Collections (>= 4.0.1.4000)
      Mvc3-Base (>= 3.0.20106)
      Newtonsoft.Json (>= 6.0.8)
      NHibernate (>= 4.0.3.4000)
      NLog (>= 3.2.1)
      YUICompressor.NET (>= 2.7)
    Bars.B4.Modules.Security.Web (3.1.11942)
      Bars.B4.Core (>= 3.1.11942 < 4.0)
      Bars.B4.Modules.Security (>= 3.1.11942 < 4.0)
      Bars.B4.Utils (>= 3.1.11942 < 4.0)
      Bars.B4.Utils.Web (>= 3.1.11942 < 4.0)
      Bars.B4.Web (>= 3.1.11942 < 4.0)
      Bars.Security
      Castle.Core (>= 3.3.3)
      Castle.WcfIntegrationFacility (>= 3.3)
      Castle.Windsor (>= 3.3)
      EcmaScript.Net (>= 1.0.1)
      elmah.corelibrary (>= 1.2.2)
      Iesi.Collections (>= 4.0.1.4000)
      Mvc3-Base (>= 3.0.20106)
      Newtonsoft.Json (>= 6.0.8)
      NHibernate (>= 4.0.3.4000)
      NLog (>= 3.2.1)
    Bars.B4.Modules.Setup (3.1.11942)
      Bars.B4.Core (>= 3.1.11942 < 4.0)
      Bars.B4.Icons (>= 3.1.11942 < 4.0)
      Bars.B4.Modules.ECM7 (>= 3.1.11942 < 4.0)
      Bars.B4.Modules.Ecm7.Framework (>= 2.0 < 3.0)
      Bars.B4.Modules.Ecm7.Migrator (>= 2.0 < 3.0)
      Bars.B4.Modules.ExtJs (>= 3.1.11942 < 4.0)
      Bars.B4.Modules.Mapping (>= 3.1.11942 < 4.0)
      Bars.B4.Modules.NH (>= 3.1.11942 < 4.0)
      Bars.B4.Modules.NH.Migrations (>= 3.1.11942 < 4.0)
      Bars.B4.Modules.Security (>= 3.1.11942 < 4.0)
      Bars.B4.Modules.Security.Web (>= 3.1.11942 < 4.0)
      Bars.B4.Utils (>= 3.1.11942 < 4.0)
      Bars.B4.Utils.Web (>= 3.1.11942 < 4.0)
      Bars.B4.Web (>= 3.1.11942 < 4.0)
      Bars.Security
      Castle.Core (>= 3.3.3)
      Castle.WcfIntegrationFacility (>= 3.3)
      Castle.Windsor (>= 3.3)
      DotNetZip (>= 1.9.3)
      EcmaScript.Net (>= 1.0.1)
      elmah.corelibrary (>= 1.2.2)
      Iesi.Collections (>= 4.0.1.4000)
      Mvc3-Base (>= 3.0.20106)
      Newtonsoft.Json (>= 6.0.8)
      NHibernate (>= 4.0.3.4000)
      NLog (>= 3.2.1)
      YUICompressor.NET (>= 2.7)
    Bars.B4.Modules.States (3.1.11942)
      Bars.B4.Core (>= 3.1.11942 < 4.0)
      Bars.B4.Icons (>= 3.1.11942 < 4.0)
      Bars.B4.Modules.Ecm7.Framework (>= 2.0 < 3.0)
      Bars.B4.Modules.ExtJs (>= 3.1.11942 < 4.0)
      Bars.B4.Modules.Mapping (>= 3.1.11942 < 4.0)
      Bars.B4.Modules.NH (>= 3.1.11942 < 4.0)
      Bars.B4.Modules.NH.Migrations (>= 3.1.11942 < 4.0)
      Bars.B4.Modules.Security (>= 3.1.11942 < 4.0)
      Bars.B4.Modules.Security.ExtJS4 (>= 3.1.11942 < 4.0)
      Bars.B4.Modules.Security.Web (>= 3.1.11942 < 4.0)
      Bars.B4.Utils (>= 3.1.11942 < 4.0)
      Bars.B4.Utils.Web (>= 3.1.11942 < 4.0)
      Bars.B4.Web (>= 3.1.11942 < 4.0)
      Bars.Security
      Castle.Core (>= 3.3.3)
      Castle.WcfIntegrationFacility (>= 3.3)
      Castle.Windsor (>= 3.3)
      EcmaScript.Net (>= 1.0.1)
      elmah.corelibrary (>= 1.2.2)
      Iesi.Collections (>= 4.0.1.4000)
      Mvc3-Base (>= 3.0.20106)
      Newtonsoft.Json (>= 6.0.8)
      NHibernate (>= 4.0.3.4000)
      NLog (>= 3.2.1)
      YUICompressor.NET (>= 2.7)
    Bars.B4.Modules.StimulReportGenerator (3.1.11942)
      Bars.B4.Core (>= 3.1.11942 < 4.0)
      Bars.B4.Modules.Reports (>= 3.1.11942 < 4.0)
      Bars.B4.Utils (>= 3.1.11942 < 4.0)
      Castle.Core (>= 3.3.3)
      Castle.WcfIntegrationFacility (>= 3.3)
      Castle.Windsor (>= 3.3)
      elmah.corelibrary (>= 1.2.2)
      Newtonsoft.Json (>= 6.0.8)
      NLog (>= 3.2.1)
      StimulReport.Base (2015.1)
    Bars.B4.Modules.TaskManager (3.1.11942)
      Bars.B4.Core (>= 3.1.11942 < 4.0)
      Bars.B4.Modules.Ecm7.Framework (>= 2.0 < 3.0)
      Bars.B4.Modules.FileStorage (>= 3.1.11942 < 4.0)
      Bars.B4.Modules.NH (>= 3.1.11942 < 4.0)
      Bars.B4.Modules.Reports (>= 3.1.11942 < 4.0)
      Bars.B4.Modules.TaskManager.Contracts (>= 3.1.11942 < 4.0)
      Bars.B4.Utils (>= 3.1.11942 < 4.0)
      Bars.B4.Utils.Web (>= 3.1.11942 < 4.0)
      Bars.B4.Web (>= 3.1.11942 < 4.0)
      Castle.Core (>= 3.3.3)
      Castle.Windsor (>= 3.3)
      EcmaScript.Net (>= 1.0.1)
      elmah.corelibrary (>= 1.2.2)
      Iesi.Collections (>= 4.0.1.4000)
      Mvc3-Base (>= 3.0.20106)
      Newtonsoft.Json (>= 6.0.8)
      NHibernate (>= 4.0.3.4000)
      NLog (>= 3.2.1)
    Bars.B4.Modules.TaskManager.Contracts (3.1.11942)
      Bars.B4.Core (>= 3.1.11942 < 4.0)
      Bars.B4.Utils (>= 3.1.11942 < 4.0)
      Castle.Core (>= 3.3.3)
      Castle.Windsor (>= 3.3)
    Bars.B4.Modules.Tasks.Common (3.1.11942)
      Bars.B4.Core (>= 3.1.11942 < 4.0)
      Bars.B4.Modules.Queue (>= 3.1.11942 < 4.0)
      Bars.B4.Utils (>= 3.1.11942 < 4.0)
      Castle.Core (>= 3.3.3)
      Castle.WcfIntegrationFacility (>= 3.3)
      Castle.Windsor (>= 3.3)
      elmah.corelibrary (>= 1.2.2)
      Newtonsoft.Json (>= 6.0.8)
      NLog (>= 3.2.1)
    Bars.B4.Modules.Tasks.Db (3.1.11942)
      Bars.B4.Core (>= 3.1.11942 < 4.0)
      Bars.B4.Modules.Ecm7.Framework (>= 2.0 < 3.0)
      Bars.B4.Modules.NH (>= 3.1.11942 < 4.0)
      Bars.B4.Modules.NH.Migrations (>= 3.1.11942 < 4.0)
      Bars.B4.Modules.Tasks.Common (>= 3.1.11942 < 4.0)
      Bars.B4.Utils (>= 3.1.11942 < 4.0)
      Bars.B4.Utils.Web (>= 3.1.11942 < 4.0)
      Bars.B4.Web (>= 3.1.11942 < 4.0)
      Castle.Core (>= 3.3.3)
      Castle.WcfIntegrationFacility (>= 3.3)
      Castle.Windsor (>= 3.3)
      EcmaScript.Net (>= 1.0.1)
      elmah.corelibrary (>= 1.2.2)
      Iesi.Collections (>= 4.0.1.4000)
      Mvc3-Base (>= 3.0.20106)
      Newtonsoft.Json (>= 6.0.8)
      NHibernate (>= 4.0.3.4000)
      NLog (>= 3.2.1)
      YUICompressor.NET (>= 2.7)
    Bars.B4.Modules.Tasks.Executor (3.1.11942)
      Bars.B4.Core (>= 3.1.11942 < 4.0)
      Bars.B4.Modules.Console (>= 3.1.11942 < 4.0)
      Bars.B4.Modules.Queue (>= 3.1.11942 < 4.0)
      Bars.B4.Modules.Tasks.Common (>= 3.1.11942 < 4.0)
      Bars.B4.Utils (>= 3.1.11942 < 4.0)
      Bars.B4.Utils.Web (>= 3.1.11942 < 4.0)
      Bars.B4.Web (>= 3.1.11942 < 4.0)
      Castle.Core (>= 3.3.3)
      Castle.WcfIntegrationFacility (>= 3.3)
      Castle.Windsor (>= 3.3)
      CommandLineParser (>= 1.9.71)
      EcmaScript.Net (>= 1.0.1)
      elmah.corelibrary (>= 1.2.2)
      Microsoft.Tpl.Dataflow (>= 4.5.24)
      Mvc3-Base (>= 3.0.20106)
      Newtonsoft.Json (>= 6.0.8)
      NLog (>= 3.2.1)
      YUICompressor.NET (>= 2.7)
    Bars.B4.Modules.Tasks.MasterApp (3.1.11942)
      Bars.B4.Core (>= 3.1.11942 < 4.0)
      Bars.B4.Modules.Console (>= 3.1.11942 < 4.0)
      Bars.B4.Modules.Queue (>= 3.1.11942 < 4.0)
      Bars.B4.Modules.Tasks.Common (>= 3.1.11942 < 4.0)
      Bars.B4.Utils (>= 3.1.11942 < 4.0)
      Castle.Core (>= 3.3.3)
      Castle.WcfIntegrationFacility (>= 3.3)
      Castle.Windsor (>= 3.3)
      CommandLineParser (>= 1.9.71)
      elmah.corelibrary (>= 1.2.2)
      Newtonsoft.Json (>= 6.0.8)
      NLog (>= 3.2.1)
    Bars.B4.Modules.Tasks.Web (3.1.11942)
      Bars.B4.Core (>= 3.1.11942 < 4.0)
      Bars.B4.Icons (>= 3.1.11942 < 4.0)
      Bars.B4.Modules.ExtJs (>= 3.1.11942 < 4.0)
      Bars.B4.Modules.FileStorage (>= 3.1.11942 < 4.0)
      Bars.B4.Modules.Tasks.Common (>= 3.1.11942 < 4.0)
      Bars.B4.Modules.Tasks.Db (>= 3.1.11942 < 4.0)
      Bars.B4.Utils (>= 3.1.11942 < 4.0)
      Bars.B4.Utils.Web (>= 3.1.11942 < 4.0)
      Bars.B4.Web (>= 3.1.11942 < 4.0)
      Castle.Core (>= 3.3.3)
      Castle.WcfIntegrationFacility (>= 3.3)
      Castle.Windsor (>= 3.3)
      EcmaScript.Net (>= 1.0.1)
      elmah.corelibrary (>= 1.2.2)
      Mvc3-Base (>= 3.0.20106)
      Newtonsoft.Json (>= 6.0.8)
      NLog (>= 3.2.1)
      YUICompressor.NET (>= 2.7)
    Bars.B4.Modules.UserActivity (3.1.11942)
      Bars.B4.Core (>= 3.1.11942 < 4.0)
      Bars.B4.Icons (>= 3.1.11942 < 4.0)
      Bars.B4.Modules.Ecm7.Framework (>= 2.0 < 3.0)
      Bars.B4.Modules.ExtJs (>= 3.1.11942 < 4.0)
      Bars.B4.Modules.Mapping (>= 3.1.11942 < 4.0)
      Bars.B4.Modules.NH (>= 3.1.11942 < 4.0)
      Bars.B4.Modules.NH.Migrations (>= 3.1.11942 < 4.0)
      Bars.B4.Modules.Security (>= 3.1.11942 < 4.0)
      Bars.B4.Modules.Security.Web (>= 3.1.11942 < 4.0)
      Bars.B4.Utils (>= 3.1.11942 < 4.0)
      Bars.B4.Utils.Web (>= 3.1.11942 < 4.0)
      Bars.B4.Web (>= 3.1.11942 < 4.0)
      Bars.Security
      Castle.Core (>= 3.3.3)
      Castle.WcfIntegrationFacility (>= 3.3)
      Castle.Windsor (>= 3.3)
      EcmaScript.Net (>= 1.0.1)
      elmah.corelibrary (>= 1.2.2)
      Iesi.Collections (>= 4.0.1.4000)
      Mvc3-Base (>= 3.0.20106)
      Newtonsoft.Json (>= 6.0.8)
      NHibernate (>= 4.0.3.4000)
      NLog (>= 3.2.1)
    Bars.B4.Modules.UserProfile (3.1.11942)
      Bars.B4.Core (>= 3.1.11942 < 4.0)
      Bars.B4.Icons (>= 3.1.11942 < 4.0)
      Bars.B4.Modules.Ecm7.Framework (>= 2.0 < 3.0)
      Bars.B4.Modules.ExtJs3 (>= 3.1.11942 < 4.0)
      Bars.B4.Modules.Mapping (>= 3.1.11942 < 4.0)
      Bars.B4.Modules.NH (>= 3.1.11942 < 4.0)
      Bars.B4.Modules.NH.Migrations (>= 3.1.11942 < 4.0)
      Bars.B4.Modules.Security (>= 3.1.11942 < 4.0)
      Bars.B4.Modules.Security.Web (>= 3.1.11942 < 4.0)
      Bars.B4.Utils (>= 3.1.11942 < 4.0)
      Bars.B4.Utils.Web (>= 3.1.11942 < 4.0)
      Bars.B4.Web (>= 3.1.11942 < 4.0)
      Bars.Security
      Castle.Core (>= 3.3.3)
      Castle.WcfIntegrationFacility (>= 3.3)
      Castle.Windsor (>= 3.3)
      EcmaScript.Net (>= 1.0.1)
      elmah.corelibrary (>= 1.2.2)
      Iesi.Collections (>= 4.0.1.4000)
      Mvc3-Base (>= 3.0.20106)
      Newtonsoft.Json (>= 6.0.8)
      NHibernate (>= 4.0.3.4000)
      NLog (>= 3.2.1)
    Bars.B4.Modules.XlsIO (3.1.11942)
      Bars.B4.Core (>= 3.1.11942 < 4.0)
      Bars.B4.Modules.Reports (>= 3.1.11942 < 4.0)
      Bars.B4.Utils (>= 3.1.11942 < 4.0)
      Castle.Core (>= 3.3.3)
      Castle.WcfIntegrationFacility (>= 3.3)
      Castle.Windsor (>= 3.3)
      elmah.corelibrary (>= 1.2.2)
      Mvc3-Base (>= 3.0.20106)
      Newtonsoft.Json (>= 6.0.8)
      NLog (>= 3.2.1)
      Syncfusion.Compression.Base (>= 8.403.0.10)
      Syncfusion.Core (>= 8.403.0.10)
      Syncfusion.XlsIO.Base (>= 8.403.0.10)
    Bars.B4.TestToolkit (3.1.11942)
      Bars.B4.Core (>= 3.1.11942 < 4.0)
      Bars.B4.Utils (>= 3.1.11942 < 4.0)
      Bars.B4.Utils.Web (>= 3.1.11942 < 4.0)
      Bars.B4.Web (>= 3.1.11942 < 4.0)
      Castle.Core (>= 3.3.3)
      Castle.Windsor (>= 3.3)
      elmah.corelibrary (>= 1.2.2)
      FluentAssertions (>= 3.3)
      Newtonsoft.Json (>= 6.0.8)
      NLog (>= 3.2.1)
      SpecFlow (>= 1.9.2.3)
      xunit (>= 2.0 < 2.1)
      xunit.abstractions (>= 2.0 < 2.1)
      xunit.assert (>= 2.0 < 2.1)
      xunit.extensibility.core (>= 2.0 < 2.1)
    Bars.B4.TestToolkit.Integrational (3.1.11942)
      Bars.B4.Core (>= 3.1.11942 < 4.0)
      Bars.B4.Modules.Ecm7.Framework (>= 2.0 < 3.0)
      Bars.B4.Modules.Ecm7.Migrator (>= 2.0 < 3.0)
      Bars.B4.Modules.Ecm7.Providers.PostgreSQL (>= 2.0 < 3.0)
      Bars.B4.Modules.NH (>= 3.1.11942 < 4.0)
      Bars.B4.Modules.NH.Postgres (>= 3.1.11942 < 4.0)
      Bars.B4.TestToolkit (>= 3.1.11942 < 4.0)
      Bars.B4.Utils (>= 3.1.11942 < 4.0)
      Bars.B4.Web (>= 3.1.11942 < 4.0)
      Castle.Core (>= 3.3.3)
      Castle.Windsor (>= 3.3)
      FluentAssertions (>= 3.3)
      Mvc3-Base (>= 3.0.20106)
      NLog (>= 3.2.1)
      Npgsql (>= 2.1.3)
      SharpZipLib (>= 0.86)
    Bars.B4.UI.ExtJs4 (3.1.11942)
      Bars.B4.Core (>= 3.1.11942 < 4.0)
      Bars.B4.Icons (>= 3.1.11942 < 4.0)
      Bars.B4.Modules.ExtJs (>= 3.1.11942 < 4.0)
      Bars.B4.Utils (>= 3.1.11942 < 4.0)
      Bars.B4.Utils.Web (>= 3.1.11942 < 4.0)
      Bars.B4.Web (>= 3.1.11942 < 4.0)
      Castle.Core (>= 3.3.3)
      Castle.WcfIntegrationFacility (>= 3.3)
      Castle.Windsor (>= 3.3)
      EcmaScript.Net (>= 1.0.1)
      elmah.corelibrary (>= 1.2.2)
      Mvc3-Base (>= 3.0.20106)
      Newtonsoft.Json (>= 6.0.8)
      NLog (>= 3.2.1)
      YUICompressor.NET (>= 2.7)
    Bars.B4.Utils (3.1.11964)
      Castle.Core (>= 3.3.3)
      Castle.Windsor (>= 3.3)
      Newtonsoft.Json (>= 6.0.8)
      QuickGraph (>= 3.6.61119.7)
    Bars.B4.Utils.Web (3.1.11964)
      Bars.B4.Utils (>= 3.1.11964 < 4.0)
      Castle.Core (>= 3.3.3)
      Castle.Windsor (>= 3.3)
      Mvc3-Base (>= 3.0.20106)
      Newtonsoft.Json (>= 6.0.8)
    Bars.B4.Web (3.1.11964)
      Bars.B4.Core (>= 3.1.11964 < 4.0)
      Bars.B4.Utils (>= 3.1.11964 < 4.0)
      Bars.B4.Utils.Web (>= 3.1.11964 < 4.0)
      Castle.Core (>= 3.3.3)
      Castle.Windsor (>= 3.3)
      EcmaScript.Net (>= 1.0.1)
      Mvc3-Base (>= 3.0.20106)
      Newtonsoft.Json (>= 6.0.8)
      NLog (>= 3.2.1)
      YUICompressor.NET (>= 2.7)
  remote: https://barsgroup.myget.org/F/gkh/auth/3ef5eaa4-6139-4997-ad92-71947dcc67c0
  specs:
    Bars.Billing.Core (1.0.5538-dev)
      Bars.B4.Modules.Dapper (>= 1.9.732-dev)
      Bars.B4.Modules.Security (>= 1.10.1648.1650)
      Bars.B4.Web (>= 1.10.1648.1650)
      Bars.Security (>= 1.1.26-dev)
      raven-csharp (>= 1.0.2)
      raven-csharp-protocol20 (>= 1.0.2)
    Bars.Billing.IncrementalDataLoader (1.11.0-dev)
    Bars.KP60.Host (1.0.3-dev)
      Bars.B4.Modules.Dapper (>= 1.6.67520-dev)
      Bars.B4.Modules.NH (>= 1.6.67520-dev)
      Bars.Billing.Core (>= 1.0.0-dev)
    Bars.KP60.Protocol (1.0.3-dev)
      Bars.Billing.Core (>= 1.0.5535-dev)
      Bars.KP60.Host (>= 1.0.2-dev)
      Bars.Security (>= 1.0.2011-dev)
    CryptoPro.Sharpei.Base (1.0.0-dev)
    CryptoPro.Sharpei.ServiceModel (1.0.0-dev)
    ImportKP50Data (1.0.0-dev)
    Stimulsoft.Report.PostgreSQL (2015.1.1.1)
      Npgsql (>= 2.1.3)
      StimulReport.Base (>= 2015.1 < 2015.2)
  remote: https://barsgroup.myget.org/F/certified/auth/3ef5eaa4-6139-4997-ad92-71947dcc67c0
  specs:
    Bars.Security (1.1.34)
  remote: https://barsgroup.myget.org/F/b4-dev/auth/3ef5eaa4-6139-4997-ad92-71947dcc67c0
  specs:
    Castle.Core (3.3.3)
    Castle.WcfIntegrationFacility (3.3.0)
      Castle.Core (>= 3.3)
      Castle.Windsor (>= 3.3)
    Castle.Windsor (3.3.0)
      Castle.Core (>= 3.3)
    EcmaScript.Net (1.0.1.0)
    elmah.corelibrary (1.2.2)
    Iesi.Collections (4.0.1.4000)
    YUICompressor.NET (2.7.0.0)
      EcmaScript.Net (>= 1.0.1)
  remote: https://barsgroup.myget.org/F/paid/auth/3ef5eaa4-6139-4997-ad92-71947dcc67c0
  specs:
    Devexpress.Pivot (2.0.0.0)
    Morpher (2.11.1.16662)
    StimulReport.Base (2015.1.0.0)
    StimulReport.Web (2015.1.0)
      StimulReport.Base (>= 2015.1)
    Syncfusion.Compression.Base (8.403.0.10)
    Syncfusion.Core (8.403.0.10)
    Syncfusion.DocIO.Base (8.403.0.10)
      Syncfusion.Compression.Base (>= 8.403.0.10)
      Syncfusion.Core (>= 8.403.0.10)
    Syncfusion.XlsIO.Base (8.403.0.10)
      Syncfusion.Compression.Base (>= 8.403.0.10)
      Syncfusion.Core (>= 8.403.0.10)
